{
    "Manufacturer": "Philips",
    "PatientPosition": "HFS",
    "SeriesDescription": "ImageMRSERIES",
    "ProtocolName": "task-(Visact)_acq-Mb4Mm2Tr1600_run-(01)_topup",
    "SeriesNumber": 4,
    "AcquisitionNumber": 4,
    "ImageComments": "VISACT",
    "PhilipsRescaleSlope": 0.83346,
    "PhilipsRescaleIntercept": 0,
    "PhilipsScaleSlope": 0.0861729,
    "UsePhilipsFloatNotDisplayScaling": 1,
    "EchoTime": 0.03,
    "RepetitionTime": 1.6,
    "ImageOrientationPatientDICOM": [
        0.998597,
        0.000449612,
        0.052959,
        0.00540298,
        0.993882,
        -0.110317
    ],
    "ConversionSoftware": "dcm2niix",
    "ConversionSoftwareVersion": "v1.0.20211006",
    "IntendedFor": [
        "ses-002/func/sub-012_ses-002_task-VISACT_acq-Mb4Mm2Tr1600_dir-AP_run-01_bold.nii.gz"
    ],
    "TaskName": "VISACT",
    "TotalReadoutTime": 0.0538836,
    "PhaseEncodingDirection": "j-"
}