{
    "Manufacturer": "Philips",
    "PatientPosition": "HFS",
    "SeriesDescription": "ImageMRSERIES",
    "ProtocolName": "CategorySix_run01",
    "SeriesNumber": 3,
    "AcquisitionNumber": 3,
    "ImageComments": "VISACT",
    "PhilipsRescaleSlope": 0.77656,
    "PhilipsRescaleIntercept": 0,
    "PhilipsScaleSlope": 0.0226037,
    "UsePhilipsFloatNotDisplayScaling": 1,
    "EchoTime": 0.02763,
    "RepetitionTime": 2,
    "ImageOrientationPatientDICOM": [
        0.99755,
        -0.0257701,
        0.0650454,
        0.0344866,
        0.990017,
        -0.136662
    ],
    "ConversionSoftware": "dcm2niix",
    "ConversionSoftwareVersion": "v1.0.20211006",
    "TaskName": "CategorySix",
    "TotalReadoutTime": 0.0269452,
    "PhaseEncodingDirection": "j"
}