{
    "Manufacturer": "Philips",
    "PatientPosition": "HFS",
    "SeriesDescription": "ImageMRSERIES",
    "ProtocolName": "acq-AxialNsig1Mm1_T1w",
    "SeriesNumber": 2,
    "AcquisitionNumber": 2,
    "ImageComments": "VISACT",
    "PhilipsRescaleSlope": 5.71453,
    "PhilipsRescaleIntercept": 0,
    "PhilipsScaleSlope": 0.00547251,
    "UsePhilipsFloatNotDisplayScaling": 1,
    "EchoTime": 0.00382,
    "RepetitionTime": 0.008319,
    "InversionTime": 0.9,
    "ImageOrientationPatientDICOM": [
        0.999248,
        -0.000511698,
        0.0387756,
        0.00837147,
        0.979182,
        -0.202811
    ],
    "ConversionSoftware": "dcm2niix",
    "ConversionSoftwareVersion": "v1.0.20211006"
}