{
    "Manufacturer": "Philips",
    "PatientPosition": "HFS",
    "SeriesDescription": "ImageMRSERIES",
    "ProtocolName": "acq-AxialNsig1Mm1_T1w",
    "SeriesNumber": 2,
    "AcquisitionNumber": 2,
    "ImageComments": "VISACT",
    "PhilipsRescaleSlope": 4.76239,
    "PhilipsRescaleIntercept": 0,
    "PhilipsScaleSlope": 0.00411535,
    "UsePhilipsFloatNotDisplayScaling": 1,
    "EchoTime": 0.00373,
    "RepetitionTime": 0.008168,
    "InversionTime": 0.9,
    "ImageOrientationPatientDICOM": [
        0.999545,
        0.0161173,
        -0.0254856,
        -0.0164001,
        0.999806,
        -0.0109278
    ],
    "ConversionSoftware": "dcm2niix",
    "ConversionSoftwareVersion": "v1.0.20211006"
}