{
    "Manufacturer": "Philips",
    "PatientPosition": "HFS",
    "SeriesDescription": "ImageMRSERIES",
    "ProtocolName": "acq-AxialNsig1Mm1_T1w",
    "SeriesNumber": 2,
    "AcquisitionNumber": 2,
    "ImageComments": "VISACT",
    "PhilipsRescaleSlope": 5.16532,
    "PhilipsRescaleIntercept": 0,
    "PhilipsScaleSlope": 0.00507216,
    "UsePhilipsFloatNotDisplayScaling": 1,
    "EchoTime": 0.00386,
    "RepetitionTime": 0.008392,
    "InversionTime": 0.9,
    "ImageOrientationPatientDICOM": [
        0.995868,
        0.017482,
        0.0891104,
        0.000695247,
        0.979798,
        -0.19999
    ],
    "ConversionSoftware": "dcm2niix",
    "ConversionSoftwareVersion": "v1.0.20211006"
}