{
    "Manufacturer": "Philips",
    "PatientPosition": "HFS",
    "SeriesDescription": "ImageMRSERIES",
    "ProtocolName": "task-(Visact)_acq-Mb4Mm2Tr1600_run-(06)_bold",
    "SeriesNumber": 13,
    "AcquisitionNumber": 13,
    "ImageComments": "VISACT",
    "PhilipsRescaleSlope": 0.82613,
    "PhilipsRescaleIntercept": 0,
    "PhilipsScaleSlope": 0.0751402,
    "UsePhilipsFloatNotDisplayScaling": 1,
    "EchoTime": 0.03,
    "RepetitionTime": 1.6,
    "ImageOrientationPatientDICOM": [
        0.999397,
        -0.013173,
        0.0321234,
        0.0219814,
        0.956246,
        -0.291736
    ],
    "ConversionSoftware": "dcm2niix",
    "ConversionSoftwareVersion": "v1.0.20211006",
    "TaskName": "VISACT",
    "TotalReadoutTime": 0.0538836,
    "PhaseEncodingDirection": "j"
}