{
    "Manufacturer": "Philips",
    "PatientPosition": "HFS",
    "SeriesDescription": "ImageMRSERIES",
    "ProtocolName": "acq-AxialNsig1Mm1_T1w",
    "SeriesNumber": 2,
    "AcquisitionNumber": 2,
    "ImageComments": "VISACT",
    "PhilipsRescaleSlope": 5.10745,
    "PhilipsRescaleIntercept": 0,
    "PhilipsScaleSlope": 0.00448797,
    "UsePhilipsFloatNotDisplayScaling": 1,
    "EchoTime": 0.00377,
    "RepetitionTime": 0.008241,
    "InversionTime": 0.9,
    "ImageOrientationPatientDICOM": [
        0.999171,
        -0.0030606,
        0.0406056,
        0.00784763,
        0.992951,
        -0.118262
    ],
    "ConversionSoftware": "dcm2niix",
    "ConversionSoftwareVersion": "v1.0.20211006"
}