{
    "Manufacturer": "Philips",
    "PatientPosition": "HFS",
    "SeriesDescription": "ImageMRSERIES",
    "ProtocolName": "task-(Visact)_acq-Mb4Mm2Tr1600_run-(04)_topup",
    "SeriesNumber": 13,
    "AcquisitionNumber": 13,
    "ImageComments": "VISACT",
    "PhilipsRescaleSlope": 0.96679,
    "PhilipsRescaleIntercept": 0,
    "PhilipsScaleSlope": 0.054305,
    "UsePhilipsFloatNotDisplayScaling": 1,
    "EchoTime": 0.03,
    "RepetitionTime": 1.6,
    "ImageOrientationPatientDICOM": [
        0.999825,
        -0.0185316,
        0.0026681,
        0.0179757,
        0.910281,
        -0.4136
    ],
    "ConversionSoftware": "dcm2niix",
    "ConversionSoftwareVersion": "v1.0.20211006",
    "IntendedFor": [
        "ses-004/func/sub-005_ses-004_task-VISACT_acq-Mb4Mm2Tr1600_dir-AP_run-04_bold.nii.gz"
    ],
    "TotalReadoutTime": 0.0538836,
    "PhaseEncodingDirection": "j-",
    "TaskName": "VISACT"
}