{
    "Manufacturer": "Philips",
    "PatientPosition": "HFS",
    "SeriesDescription": "ImageMRSERIES",
    "ProtocolName": "task-(Visact)_acq-Mb4Mm2Tr1600_run-(02)_bold",
    "SeriesNumber": 5,
    "AcquisitionNumber": 5,
    "ImageComments": "VISACT",
    "PhilipsRescaleSlope": 0.88669,
    "PhilipsRescaleIntercept": 0,
    "PhilipsScaleSlope": 0.052764,
    "UsePhilipsFloatNotDisplayScaling": 1,
    "EchoTime": 0.03,
    "RepetitionTime": 1.6,
    "ImageOrientationPatientDICOM": [
        0.998446,
        -0.0393059,
        0.0395124,
        0.034692,
        0.993176,
        0.111347
    ],
    "ConversionSoftware": "dcm2niix",
    "ConversionSoftwareVersion": "v1.0.20211006",
    "TaskName": "VISACT",
    "TotalReadoutTime": 0.0269452,
    "PhaseEncodingDirection": "j"
}