{
    "Manufacturer": "Philips",
    "PatientPosition": "HFS",
    "SeriesDescription": "ImageMRSERIES",
    "ProtocolName": "CategorySix_run02_topup",
    "SeriesNumber": 6,
    "AcquisitionNumber": 6,
    "ImageComments": "VISACT",
    "PhilipsRescaleSlope": 0.7663,
    "PhilipsRescaleIntercept": 0,
    "PhilipsScaleSlope": 0.0169961,
    "UsePhilipsFloatNotDisplayScaling": 1,
    "EchoTime": 0.02763,
    "RepetitionTime": 2,
    "ImageOrientationPatientDICOM": [
        0.999141,
        -0.0412837,
        0.00353968,
        0.0413524,
        0.988102,
        -0.148135
    ],
    "ConversionSoftware": "dcm2niix",
    "ConversionSoftwareVersion": "v1.0.20211006",
    "IntendedFor": [
        "ses-001/func/sub-002_ses-001_task-CategorySix_acq-localizer_dir-AP_run-02_bold.nii.gz"
    ],
    "TaskName": "CategorySix",
    "TotalReadoutTime": 0.0269452,
    "PhaseEncodingDirection": "j-"
}