{
    "Manufacturer": "Philips",
    "PatientPosition": "HFS",
    "SeriesDescription": "ImageMRSERIES",
    "ProtocolName": "ScenePRF_run03_topup",
    "SeriesNumber": 16,
    "AcquisitionNumber": 16,
    "ImageComments": "VISACT",
    "PhilipsRescaleSlope": 0.77167,
    "PhilipsRescaleIntercept": 0,
    "PhilipsScaleSlope": 0.0173037,
    "UsePhilipsFloatNotDisplayScaling": 1,
    "EchoTime": 0.02763,
    "RepetitionTime": 2,
    "ImageOrientationPatientDICOM": [
        0.999141,
        -0.0412837,
        0.00353968,
        0.0413524,
        0.988102,
        -0.148135
    ],
    "ConversionSoftware": "dcm2niix",
    "ConversionSoftwareVersion": "v1.0.20211006",
    "IntendedFor": [
        "ses-001/func/sub-002_ses-001_task-ScenePRF_acq-PRF_dir-AP_run-03_bold.nii.gz"
    ],
    "TotalReadoutTime": 0.0269452,
    "PhaseEncodingDirection": "j-",
    "TaskName": "ScenePRF"
}