{
    "Manufacturer": "Philips",
    "PatientPosition": "HFS",
    "SeriesDescription": "ImageMRSERIES",
    "ProtocolName": "ScenePRF_run03_topup",
    "SeriesNumber": 16,
    "AcquisitionNumber": 16,
    "ImageComments": "VISACT",
    "PhilipsRescaleSlope": 0.82711,
    "PhilipsRescaleIntercept": 0,
    "PhilipsScaleSlope": 0.0223711,
    "UsePhilipsFloatNotDisplayScaling": 1,
    "EchoTime": 0.02763,
    "RepetitionTime": 2,
    "ImageOrientationPatientDICOM": [
        0.99755,
        -0.0257701,
        0.0650454,
        0.0344866,
        0.990017,
        -0.136662
    ],
    "ConversionSoftware": "dcm2niix",
    "ConversionSoftwareVersion": "v1.0.20211006",
    "IntendedFor": [
        "ses-001/func/sub-009_ses-001_task-ScenePRF_acq-PRF_dir-AP_run-03_bold.nii.gz"
    ],
    "TotalReadoutTime": 0.0269452,
    "PhaseEncodingDirection": "j-",
    "TaskName": "ScenePRF"
}