{
    "Manufacturer": "Philips",
    "PatientPosition": "HFS",
    "SeriesDescription": "ImageMRSERIES",
    "ProtocolName": "CategorySix_run01_topup",
    "SeriesNumber": 4,
    "AcquisitionNumber": 4,
    "ImageComments": "VISACT",
    "PhilipsRescaleSlope": 0.7663,
    "PhilipsRescaleIntercept": 0,
    "PhilipsScaleSlope": 0.0131384,
    "UsePhilipsFloatNotDisplayScaling": 1,
    "EchoTime": 0.02763,
    "RepetitionTime": 2,
    "ImageOrientationPatientDICOM": [
        0.997831,
        0.02483,
        0.0609689,
        -0.0111463,
        0.976493,
        -0.215259
    ],
    "ConversionSoftware": "dcm2niix",
    "ConversionSoftwareVersion": "v1.0.20211006",
    "IntendedFor": [
        "ses-001/func/sub-007_ses-001_task-CategorySix_acq-localizer_dir-AP_run-01_bold.nii.gz"
    ],
    "TaskName": "CategorySix",
    "TotalReadoutTime": 0.0269452,
    "PhaseEncodingDirection": "j-"
}