{
    "Manufacturer": "Philips",
    "PatientPosition": "HFS",
    "SeriesDescription": "ImageMRSERIES",
    "ProtocolName": "task-(Visact)_acq-Mb4Mm2Tr1600_run-(02)_topup",
    "SeriesNumber": 6,
    "AcquisitionNumber": 6,
    "ImageComments": "VISACT",
    "PhilipsRescaleSlope": 0.97265,
    "PhilipsRescaleIntercept": 0,
    "PhilipsScaleSlope": 0.0826771,
    "UsePhilipsFloatNotDisplayScaling": 1,
    "EchoTime": 0.03,
    "RepetitionTime": 1.6,
    "ImageOrientationPatientDICOM": [
        0.99861,
        0.0216119,
        -0.0480766,
        -0.0341742,
        0.959872,
        -0.278348
    ],
    "ConversionSoftware": "dcm2niix",
    "ConversionSoftwareVersion": "v1.0.20211006",
    "IntendedFor": [
        "ses-004/func/sub-001_ses-004_task-VISACT_acq-Mb4Mm2Tr1600_dir-AP_run-02_bold.nii.gz"
    ],
    "TotalReadoutTime": 0.0538836,
    "PhaseEncodingDirection": "j-",
    "TaskName": "VISACT"
}