{
    "Manufacturer": "Philips",
    "PatientPosition": "HFS",
    "SeriesDescription": "ImageMRSERIES",
    "ProtocolName": "task-(Visact)_acq-Mb4Mm2Tr1600_run-(04)_bold",
    "SeriesNumber": 9,
    "AcquisitionNumber": 9,
    "ImageComments": "VISACT",
    "PhilipsRescaleSlope": 0.84005,
    "PhilipsRescaleIntercept": 0,
    "PhilipsScaleSlope": 0.0647782,
    "UsePhilipsFloatNotDisplayScaling": 1,
    "EchoTime": 0.03,
    "RepetitionTime": 1.6,
    "ImageOrientationPatientDICOM": [
        0.999383,
        -0.00346982,
        0.0349438,
        0.0156996,
        0.934265,
        -0.356233
    ],
    "ConversionSoftware": "dcm2niix",
    "ConversionSoftwareVersion": "v1.0.20211006",
    "TaskName": "VISACT",
    "TotalReadoutTime": 0.0538836,
    "PhaseEncodingDirection": "j"
}