{
    "Manufacturer": "Philips",
    "PatientPosition": "HFS",
    "SeriesDescription": "ImageMRSERIES",
    "ProtocolName": "CategorySix_run04",
    "SeriesNumber": 9,
    "AcquisitionNumber": 9,
    "ImageComments": "VISACT",
    "PhilipsRescaleSlope": 0.78706,
    "PhilipsRescaleIntercept": 0,
    "PhilipsScaleSlope": 0.0195157,
    "UsePhilipsFloatNotDisplayScaling": 1,
    "EchoTime": 0.02763,
    "RepetitionTime": 2,
    "ImageOrientationPatientDICOM": [
        0.999289,
        -0.0376814,
        0.00150702,
        0.0375155,
        0.989232,
        -0.141463
    ],
    "ConversionSoftware": "dcm2niix",
    "ConversionSoftwareVersion": "v1.0.20211006",
    "TaskName": "CategorySix",
    "TotalReadoutTime": 0.0269452,
    "PhaseEncodingDirection": "j"
}