{
    "Manufacturer": "Philips",
    "PatientPosition": "HFS",
    "SeriesDescription": "ImageMRSERIES",
    "ProtocolName": "acq-AxialNsig1Mm1_T1w",
    "SeriesNumber": 2,
    "AcquisitionNumber": 2,
    "ImageComments": "VISACT",
    "PhilipsRescaleSlope": 4.84029,
    "PhilipsRescaleIntercept": 0,
    "PhilipsScaleSlope": 0.00250382,
    "UsePhilipsFloatNotDisplayScaling": 1,
    "EchoTime": 0.00382,
    "RepetitionTime": 0.008276,
    "InversionTime": 0.9,
    "ImageOrientationPatientDICOM": [
        0.998219,
        -0.0593066,
        -0.00652016,
        0.0596548,
        0.994005,
        0.0916234
    ],
    "ConversionSoftware": "dcm2niix",
    "ConversionSoftwareVersion": "v1.0.20211006"
}