{
    "Manufacturer": "Philips",
    "PatientPosition": "HFS",
    "SeriesDescription": "ImageMRSERIES",
    "ProtocolName": "acq-AxialNsig1Mm1_T1w",
    "SeriesNumber": 2,
    "AcquisitionNumber": 2,
    "ImageComments": "VISACT",
    "PhilipsRescaleSlope": 4.44396,
    "PhilipsRescaleIntercept": 0,
    "PhilipsScaleSlope": 0.00537442,
    "UsePhilipsFloatNotDisplayScaling": 1,
    "EchoTime": 0.00379,
    "RepetitionTime": 0.008257,
    "InversionTime": 0.9,
    "ImageOrientationPatientDICOM": [
        0.999774,
        0.0013591,
        0.0212142,
        -0.00453686,
        0.988603,
        0.150476
    ],
    "ConversionSoftware": "dcm2niix",
    "ConversionSoftwareVersion": "v1.0.20211006"
}