{
    "Manufacturer": "Philips",
    "PatientPosition": "HFS",
    "SeriesDescription": "ImageMRSERIES",
    "ProtocolName": "task-(Visact)_acq-Mb4Mm2Tr1600_run-(01)_bold",
    "SeriesNumber": 3,
    "AcquisitionNumber": 3,
    "ImageComments": "VISACT",
    "PhilipsRescaleSlope": 0.78144,
    "PhilipsRescaleIntercept": 0,
    "PhilipsScaleSlope": 0.0524471,
    "UsePhilipsFloatNotDisplayScaling": 1,
    "EchoTime": 0.03,
    "RepetitionTime": 1.6,
    "ImageOrientationPatientDICOM": [
        0.99922,
        -0.00268417,
        0.0394087,
        0.0151737,
        0.947223,
        -0.320217
    ],
    "ConversionSoftware": "dcm2niix",
    "ConversionSoftwareVersion": "v1.0.20211006",
    "TaskName": "VISACT",
    "TotalReadoutTime": 0.0538836,
    "PhaseEncodingDirection": "j"
}