{
    "Manufacturer": "Philips",
    "PatientPosition": "HFS",
    "SeriesDescription": "ImageMRSERIES",
    "ProtocolName": "acq-AxialNsig1Mm1_T1w",
    "SeriesNumber": 2,
    "AcquisitionNumber": 2,
    "ImageComments": "VISACT",
    "PhilipsRescaleSlope": 5.2149,
    "PhilipsRescaleIntercept": 0,
    "PhilipsScaleSlope": 0.00315309,
    "UsePhilipsFloatNotDisplayScaling": 1,
    "EchoTime": 0.00378,
    "RepetitionTime": 0.008247,
    "InversionTime": 0.9,
    "ImageOrientationPatientDICOM": [
        0.999354,
        -0.00239591,
        0.0358522,
        0.00697692,
        0.991723,
        -0.128202
    ],
    "ConversionSoftware": "dcm2niix",
    "ConversionSoftwareVersion": "v1.0.20211006"
}