{
    "Manufacturer": "Philips",
    "PatientPosition": "HFS",
    "SeriesDescription": "ImageMRSERIES",
    "ProtocolName": "acq-AxialNsig1Mm1_T1w",
    "SeriesNumber": 2,
    "AcquisitionNumber": 2,
    "ImageComments": "VISACT",
    "PhilipsRescaleSlope": 4.36239,
    "PhilipsRescaleIntercept": 0,
    "PhilipsScaleSlope": 0.00531723,
    "UsePhilipsFloatNotDisplayScaling": 1,
    "EchoTime": 0.00376,
    "RepetitionTime": 0.008198,
    "InversionTime": 0.9,
    "ImageOrientationPatientDICOM": [
        0.999931,
        -0.0116106,
        0.00193836,
        0.0113443,
        0.994454,
        0.104557
    ],
    "ConversionSoftware": "dcm2niix",
    "ConversionSoftwareVersion": "v1.0.20211006"
}