{
    "Manufacturer": "Philips",
    "PatientPosition": "HFS",
    "SeriesDescription": "ImageMRSERIES",
    "ProtocolName": "acq-AxialNsig1Mm1_T1w",
    "SeriesNumber": 2,
    "AcquisitionNumber": 2,
    "ImageComments": "VISACT",
    "PhilipsRescaleSlope": 5.72576,
    "PhilipsRescaleIntercept": 0,
    "PhilipsScaleSlope": 0.00451922,
    "UsePhilipsFloatNotDisplayScaling": 1,
    "EchoTime": 0.0038,
    "RepetitionTime": 0.008245,
    "InversionTime": 0.9,
    "ImageOrientationPatientDICOM": [
        0.99408,
        -0.0958668,
        0.0511362,
        0.0990471,
        0.993037,
        -0.063782
    ],
    "ConversionSoftware": "dcm2niix",
    "ConversionSoftwareVersion": "v1.0.20211006"
}