{
    "Manufacturer": "Philips",
    "PatientPosition": "HFS",
    "SeriesDescription": "ImageMRSERIES",
    "ProtocolName": "acq-AxialNsig1Mm1_T1w",
    "SeriesNumber": 2,
    "AcquisitionNumber": 2,
    "ImageComments": "VISACT",
    "PhilipsRescaleSlope": 4.38877,
    "PhilipsRescaleIntercept": 0,
    "PhilipsScaleSlope": 0.00523348,
    "UsePhilipsFloatNotDisplayScaling": 1,
    "EchoTime": 0.00373,
    "RepetitionTime": 0.008133,
    "InversionTime": 0.9,
    "ImageOrientationPatientDICOM": [
        0.999202,
        -0.0343037,
        0.0204392,
        0.0336707,
        0.998966,
        0.0305464
    ],
    "ConversionSoftware": "dcm2niix",
    "ConversionSoftwareVersion": "v1.0.20211006"
}