{
    "Manufacturer": "Philips",
    "PatientPosition": "HFS",
    "SeriesDescription": "ImageMRSERIES",
    "ProtocolName": "acq-AxialNsig1Mm1_T1w",
    "SeriesNumber": 2,
    "AcquisitionNumber": 2,
    "ImageComments": "VISACT",
    "PhilipsRescaleSlope": 3.91697,
    "PhilipsRescaleIntercept": 0,
    "PhilipsScaleSlope": 0.00524188,
    "UsePhilipsFloatNotDisplayScaling": 1,
    "EchoTime": 0.00382,
    "RepetitionTime": 0.008335,
    "InversionTime": 0.9,
    "ImageOrientationPatientDICOM": [
        0.994661,
        -0.0560652,
        0.0866396,
        0.0427321,
        0.987954,
        0.14873
    ],
    "ConversionSoftware": "dcm2niix",
    "ConversionSoftwareVersion": "v1.0.20211006"
}