{
    "Manufacturer": "Philips",
    "PatientPosition": "HFS",
    "SeriesDescription": "ImageMRSERIES",
    "ProtocolName": "task-(Visact)_acq-Mb4Mm2Tr1600_run-(03)_bold",
    "SeriesNumber": 7,
    "AcquisitionNumber": 7,
    "ImageComments": "VISACT",
    "PhilipsRescaleSlope": 0.86325,
    "PhilipsRescaleIntercept": 0,
    "PhilipsScaleSlope": 0.0409607,
    "UsePhilipsFloatNotDisplayScaling": 1,
    "EchoTime": 0.03,
    "RepetitionTime": 1.6,
    "ImageOrientationPatientDICOM": [
        0.999928,
        0.00242955,
        -0.0117236,
        -0.00610829,
        0.945692,
        -0.325007
    ],
    "ConversionSoftware": "dcm2niix",
    "ConversionSoftwareVersion": "v1.0.20211006",
    "TaskName": "VISACT",
    "TotalReadoutTime": 0.0538836,
    "PhaseEncodingDirection": "j"
}