{
    "Manufacturer": "Philips",
    "PatientPosition": "HFS",
    "SeriesDescription": "ImageMRSERIES",
    "ProtocolName": "acq-AxialNsig1Mm1_T1w",
    "SeriesNumber": 2,
    "AcquisitionNumber": 2,
    "ImageComments": "VISACT",
    "PhilipsRescaleSlope": 4.99683,
    "PhilipsRescaleIntercept": 0,
    "PhilipsScaleSlope": 0.00457805,
    "UsePhilipsFloatNotDisplayScaling": 1,
    "EchoTime": 0.0038,
    "RepetitionTime": 0.008286,
    "InversionTime": 0.9,
    "ImageOrientationPatientDICOM": [
        0.999382,
        -0.001593,
        0.0351121,
        0.00732598,
        0.986473,
        -0.163762
    ],
    "ConversionSoftware": "dcm2niix",
    "ConversionSoftwareVersion": "v1.0.20211006"
}