{
    "Manufacturer": "Philips",
    "PatientPosition": "HFS",
    "SeriesDescription": "ImageMRSERIES",
    "ProtocolName": "acq-AxialNsig1Mm1_T1w",
    "SeriesNumber": 2,
    "AcquisitionNumber": 2,
    "ImageComments": "VISACT",
    "PhilipsRescaleSlope": 4.38852,
    "PhilipsRescaleIntercept": 0,
    "PhilipsScaleSlope": 0.00523352,
    "UsePhilipsFloatNotDisplayScaling": 1,
    "EchoTime": 0.00382,
    "RepetitionTime": 0.008335,
    "InversionTime": 0.9,
    "ImageOrientationPatientDICOM": [
        0.99708,
        -0.022518,
        0.072973,
        0.0102677,
        0.986393,
        0.164086
    ],
    "ConversionSoftware": "dcm2niix",
    "ConversionSoftwareVersion": "v1.0.20211006"
}