{
    "Manufacturer": "Philips",
    "PatientPosition": "HFS",
    "SeriesDescription": "ImageMRSERIES",
    "ProtocolName": "acq-AxialNsig1Mm1_T1w",
    "SeriesNumber": 2,
    "AcquisitionNumber": 2,
    "ImageComments": "VISACT",
    "PhilipsRescaleSlope": 4.32161,
    "PhilipsRescaleIntercept": 0,
    "PhilipsScaleSlope": 0.00495378,
    "UsePhilipsFloatNotDisplayScaling": 1,
    "EchoTime": 0.00374,
    "RepetitionTime": 0.008173,
    "InversionTime": 0.9,
    "ImageOrientationPatientDICOM": [
        0.999148,
        -0.0127711,
        -0.0392521,
        0.0151726,
        0.997991,
        0.0615048
    ],
    "ConversionSoftware": "dcm2niix",
    "ConversionSoftwareVersion": "v1.0.20211006"
}