{
    "Manufacturer": "Philips",
    "PatientPosition": "HFS",
    "SeriesDescription": "ImageMRSERIES",
    "ProtocolName": "ScenePRF_run04_topup",
    "SeriesNumber": 18,
    "AcquisitionNumber": 18,
    "ImageComments": "VISACT",
    "PhilipsRescaleSlope": 0.74945,
    "PhilipsRescaleIntercept": 0,
    "PhilipsScaleSlope": 0.0108628,
    "UsePhilipsFloatNotDisplayScaling": 1,
    "EchoTime": 0.02763,
    "RepetitionTime": 2,
    "ImageOrientationPatientDICOM": [
        0.993826,
        -0.105519,
        0.0343002,
        0.110949,
        0.94802,
        -0.298242
    ],
    "ConversionSoftware": "dcm2niix",
    "ConversionSoftwareVersion": "v1.0.20211006",
    "IntendedFor": [
        "ses-001/func/sub-018_ses-001_task-ScenePRF_acq-PRF_dir-AP_run-04_bold.nii.gz"
    ],
    "TotalReadoutTime": 0.0269452,
    "PhaseEncodingDirection": "j-",
    "TaskName": "ScenePRF"
}