{
    "Manufacturer": "Philips",
    "PatientPosition": "HFS",
    "SeriesDescription": "ImageMRSERIES",
    "ProtocolName": "CategorySix_run05_topup",
    "SeriesNumber": 20,
    "AcquisitionNumber": 20,
    "ImageComments": "VISACT",
    "PhilipsRescaleSlope": 0.76093,
    "PhilipsRescaleIntercept": 0,
    "PhilipsScaleSlope": 0.0104159,
    "UsePhilipsFloatNotDisplayScaling": 1,
    "EchoTime": 0.02763,
    "RepetitionTime": 2,
    "ImageOrientationPatientDICOM": [
        0.993826,
        -0.105519,
        0.0343002,
        0.110949,
        0.94802,
        -0.298242
    ],
    "ConversionSoftware": "dcm2niix",
    "ConversionSoftwareVersion": "v1.0.20211006",
    "IntendedFor": [
        "ses-001/func/sub-018_ses-001_task-CategorySix_acq-localizer_dir-AP_run-05_bold.nii.gz"
    ],
    "TaskName": "CategorySix",
    "TotalReadoutTime": 0.0269452,
    "PhaseEncodingDirection": "j-"
}