{
    "Manufacturer": "Philips",
    "PatientPosition": "HFS",
    "SeriesDescription": "ImageMRSERIES",
    "ProtocolName": "acq-AxialNsig1Mm1_T1w",
    "SeriesNumber": 2,
    "AcquisitionNumber": 2,
    "ImageComments": "VISACT",
    "PhilipsRescaleSlope": 4.63394,
    "PhilipsRescaleIntercept": 0,
    "PhilipsScaleSlope": 0.00480025,
    "UsePhilipsFloatNotDisplayScaling": 1,
    "EchoTime": 0.00377,
    "RepetitionTime": 0.008219,
    "InversionTime": 0.9,
    "ImageOrientationPatientDICOM": [
        0.998927,
        -0.0313815,
        0.0340455,
        0.0280771,
        0.99522,
        0.0935378
    ],
    "ConversionSoftware": "dcm2niix",
    "ConversionSoftwareVersion": "v1.0.20211006"
}