{
    "Manufacturer": "Philips",
    "PatientPosition": "HFS",
    "SeriesDescription": "ImageMRSERIES",
    "ProtocolName": "task-(Visact)_acq-Mb4Mm2Tr1600_run-(02)_bold",
    "SeriesNumber": 5,
    "AcquisitionNumber": 5,
    "ImageComments": "VISACT",
    "PhilipsRescaleSlope": 1.03053,
    "PhilipsRescaleIntercept": 0,
    "PhilipsScaleSlope": 0.0615074,
    "UsePhilipsFloatNotDisplayScaling": 1,
    "EchoTime": 0.03,
    "RepetitionTime": 1.6,
    "ImageOrientationPatientDICOM": [
        0.999505,
        0.0194822,
        0.0246985,
        -0.00680352,
        0.900435,
        -0.434938
    ],
    "ConversionSoftware": "dcm2niix",
    "ConversionSoftwareVersion": "v1.0.20211006",
    "TaskName": "VISACT",
    "TotalReadoutTime": 0.0269452,
    "PhaseEncodingDirection": "j"
}