{
    "Manufacturer": "Philips",
    "PatientPosition": "HFS",
    "SeriesDescription": "ImageMRSERIES",
    "ProtocolName": "acq-AxialNsig1Mm1_T1w",
    "SeriesNumber": 2,
    "AcquisitionNumber": 2,
    "ImageComments": "VISACT",
    "PhilipsRescaleSlope": 4.83761,
    "PhilipsRescaleIntercept": 0,
    "PhilipsScaleSlope": 0.00553067,
    "UsePhilipsFloatNotDisplayScaling": 1,
    "EchoTime": 0.00378,
    "RepetitionTime": 0.008232,
    "InversionTime": 0.9,
    "ImageOrientationPatientDICOM": [
        0.99996,
        -0.00880427,
        -0.00126166,
        0.00855198,
        0.990732,
        -0.135558
    ],
    "ConversionSoftware": "dcm2niix",
    "ConversionSoftwareVersion": "v1.0.20211006"
}