{
    "Manufacturer": "Philips",
    "PatientPosition": "HFS",
    "SeriesDescription": "ImageMRSERIES",
    "ProtocolName": "CategorySix_run05",
    "SeriesNumber": 19,
    "AcquisitionNumber": 19,
    "ImageComments": "VISACT",
    "PhilipsRescaleSlope": 0.82173,
    "PhilipsRescaleIntercept": 0,
    "PhilipsScaleSlope": 0.0250217,
    "UsePhilipsFloatNotDisplayScaling": 1,
    "EchoTime": 0.02763,
    "RepetitionTime": 2,
    "ImageOrientationPatientDICOM": [
        0.999944,
        0.0079463,
        -0.00693086,
        -0.00924999,
        0.976603,
        -0.214851
    ],
    "ConversionSoftware": "dcm2niix",
    "ConversionSoftwareVersion": "v1.0.20211006",
    "TaskName": "CategorySix",
    "TotalReadoutTime": 0.0269452,
    "PhaseEncodingDirection": "j"
}