{
    "Manufacturer": "Philips",
    "PatientPosition": "HFS",
    "SeriesDescription": "ImageMRSERIES",
    "ProtocolName": "acq-AxialNsig1Mm1_T1w",
    "SeriesNumber": 2,
    "AcquisitionNumber": 2,
    "ImageComments": "VISACT",
    "PhilipsRescaleSlope": 4.55678,
    "PhilipsRescaleIntercept": 0,
    "PhilipsScaleSlope": 0.00360266,
    "UsePhilipsFloatNotDisplayScaling": 1,
    "EchoTime": 0.00372,
    "RepetitionTime": 0.008138,
    "InversionTime": 0.9,
    "ImageOrientationPatientDICOM": [
        0.996993,
        0.0064449,
        0.0772262,
        -0.00626437,
        0.999977,
        -0.00257967
    ],
    "ConversionSoftware": "dcm2niix",
    "ConversionSoftwareVersion": "v1.0.20211006"
}