{
    "Manufacturer": "Philips",
    "PatientPosition": "HFS",
    "SeriesDescription": "ImageMRSERIES",
    "ProtocolName": "acq-AxialNsig1Mm1_T1w",
    "SeriesNumber": 2,
    "AcquisitionNumber": 2,
    "ImageComments": "VISACT",
    "PhilipsRescaleSlope": 4.89035,
    "PhilipsRescaleIntercept": 0,
    "PhilipsScaleSlope": 0.00547185,
    "UsePhilipsFloatNotDisplayScaling": 1,
    "EchoTime": 0.00375,
    "RepetitionTime": 0.008171,
    "InversionTime": 0.9,
    "ImageOrientationPatientDICOM": [
        0.998433,
        -0.0400526,
        0.0390937,
        0.0418467,
        0.998055,
        -0.0462073
    ],
    "ConversionSoftware": "dcm2niix",
    "ConversionSoftwareVersion": "v1.0.20211006"
}