{
    "Manufacturer": "Philips",
    "PatientPosition": "HFS",
    "SeriesDescription": "ImageMRSERIES",
    "ProtocolName": "CategorySix_run04_topup",
    "SeriesNumber": 14,
    "AcquisitionNumber": 14,
    "ImageComments": "VISACT",
    "PhilipsRescaleSlope": 0.7685,
    "PhilipsRescaleIntercept": 0,
    "PhilipsScaleSlope": 0.0243206,
    "UsePhilipsFloatNotDisplayScaling": 1,
    "EchoTime": 0.02763,
    "RepetitionTime": 2,
    "ImageOrientationPatientDICOM": [
        0.995087,
        0.0452048,
        0.0880804,
        -0.0312719,
        0.98764,
        -0.153586
    ],
    "ConversionSoftware": "dcm2niix",
    "ConversionSoftwareVersion": "v1.0.20211006",
    "IntendedFor": [
        "ses-001/func/sub-013_ses-001_task-CategorySix_acq-localizer_dir-AP_run-04_bold.nii.gz"
    ],
    "TaskName": "CategorySix",
    "TotalReadoutTime": 0.0269452,
    "PhaseEncodingDirection": "j-"
}