{
    "Manufacturer": "Philips",
    "PatientPosition": "HFS",
    "SeriesDescription": "ImageMRSERIES",
    "ProtocolName": "acq-AxialNsig1Mm1_T1w",
    "SeriesNumber": 2,
    "AcquisitionNumber": 2,
    "ImageComments": "VISACT",
    "PhilipsRescaleSlope": 4.16068,
    "PhilipsRescaleIntercept": 0,
    "PhilipsScaleSlope": 0.00564934,
    "UsePhilipsFloatNotDisplayScaling": 1,
    "EchoTime": 0.00374,
    "RepetitionTime": 0.008177,
    "InversionTime": 0.9,
    "ImageOrientationPatientDICOM": [
        0.999815,
        0.00194511,
        0.0191496,
        -0.00139601,
        0.999589,
        -0.0286463
    ],
    "ConversionSoftware": "dcm2niix",
    "ConversionSoftwareVersion": "v1.0.20211006"
}