{
    "Manufacturer": "Philips",
    "PatientPosition": "HFS",
    "SeriesDescription": "ImageMRSERIES",
    "ProtocolName": "ScenePRF_run03_topup",
    "SeriesNumber": 16,
    "AcquisitionNumber": 16,
    "ImageComments": "VISACT",
    "PhilipsRescaleSlope": 0.78803,
    "PhilipsRescaleIntercept": 0,
    "PhilipsScaleSlope": 0.0130067,
    "UsePhilipsFloatNotDisplayScaling": 1,
    "EchoTime": 0.02763,
    "RepetitionTime": 2,
    "ImageOrientationPatientDICOM": [
        0.994594,
        -0.0340619,
        0.0980937,
        0.0477738,
        0.988853,
        -0.141021
    ],
    "ConversionSoftware": "dcm2niix",
    "ConversionSoftwareVersion": "v1.0.20211006",
    "IntendedFor": [
        "ses-001/func/sub-006_ses-001_task-ScenePRF_acq-PRF_dir-AP_run-03_bold.nii.gz"
    ],
    "TotalReadoutTime": 0.0269452,
    "PhaseEncodingDirection": "j-",
    "TaskName": "ScenePRF"
}