{
    "Manufacturer": "Philips",
    "PatientPosition": "HFS",
    "SeriesDescription": "ImageMRSERIES",
    "ProtocolName": "CategorySix_run05_topup",
    "SeriesNumber": 18,
    "AcquisitionNumber": 18,
    "ImageComments": "VISACT",
    "PhilipsRescaleSlope": 0.77094,
    "PhilipsRescaleIntercept": 0,
    "PhilipsScaleSlope": 0.013489,
    "UsePhilipsFloatNotDisplayScaling": 1,
    "EchoTime": 0.02763,
    "RepetitionTime": 2,
    "ImageOrientationPatientDICOM": [
        0.994594,
        -0.0340619,
        0.0980937,
        0.0477738,
        0.988853,
        -0.141021
    ],
    "ConversionSoftware": "dcm2niix",
    "ConversionSoftwareVersion": "v1.0.20211006",
    "IntendedFor": [
        "ses-001/func/sub-006_ses-001_task-CategorySix_acq-localizer_dir-AP_run-05_bold.nii.gz"
    ],
    "TaskName": "CategorySix",
    "TotalReadoutTime": 0.0269452,
    "PhaseEncodingDirection": "j-"
}