{
    "Manufacturer": "Philips",
    "PatientPosition": "HFS",
    "SeriesDescription": "ImageMRSERIES",
    "ProtocolName": "CategorySix_run05_topup",
    "SeriesNumber": 20,
    "AcquisitionNumber": 20,
    "ImageComments": "VISACT",
    "PhilipsRescaleSlope": 0.81538,
    "PhilipsRescaleIntercept": 0,
    "PhilipsScaleSlope": 0.0216501,
    "UsePhilipsFloatNotDisplayScaling": 1,
    "EchoTime": 0.02763,
    "RepetitionTime": 2,
    "ImageOrientationPatientDICOM": [
        0.999498,
        0.0308316,
        0.00725936,
        -0.0300136,
        0.995118,
        -0.094021
    ],
    "ConversionSoftware": "dcm2niix",
    "ConversionSoftwareVersion": "v1.0.20211006",
    "IntendedFor": [
        "ses-001/func/sub-014_ses-001_task-CategorySix_acq-localizer_dir-AP_run-05_bold.nii.gz"
    ],
    "TaskName": "CategorySix",
    "TotalReadoutTime": 0.0269452,
    "PhaseEncodingDirection": "j-"
}