{
    "Manufacturer": "Philips",
    "PatientPosition": "HFS",
    "SeriesDescription": "ImageMRSERIES",
    "ProtocolName": "ScenePRF_run04_topup",
    "SeriesNumber": 18,
    "AcquisitionNumber": 18,
    "ImageComments": "VISACT",
    "PhilipsRescaleSlope": 0.8083,
    "PhilipsRescaleIntercept": 0,
    "PhilipsScaleSlope": 0.024028,
    "UsePhilipsFloatNotDisplayScaling": 1,
    "EchoTime": 0.02763,
    "RepetitionTime": 2,
    "ImageOrientationPatientDICOM": [
        0.999498,
        0.0308316,
        0.00725936,
        -0.0300136,
        0.995118,
        -0.094021
    ],
    "ConversionSoftware": "dcm2niix",
    "ConversionSoftwareVersion": "v1.0.20211006",
    "IntendedFor": [
        "ses-001/func/sub-014_ses-001_task-ScenePRF_acq-PRF_dir-AP_run-04_bold.nii.gz"
    ],
    "TotalReadoutTime": 0.0269452,
    "PhaseEncodingDirection": "j-",
    "TaskName": "ScenePRF"
}