{
    "Manufacturer": "Philips",
    "PatientPosition": "HFS",
    "SeriesDescription": "ImageMRSERIES",
    "ProtocolName": "acq-AxialNsig1Mm1_T1w",
    "SeriesNumber": 2,
    "AcquisitionNumber": 2,
    "ImageComments": "VISACT",
    "PhilipsRescaleSlope": 4.03175,
    "PhilipsRescaleIntercept": 0,
    "PhilipsScaleSlope": 0.00503398,
    "UsePhilipsFloatNotDisplayScaling": 1,
    "EchoTime": 0.00379,
    "RepetitionTime": 0.00827,
    "InversionTime": 0.9,
    "ImageOrientationPatientDICOM": [
        0.997718,
        -0.0061349,
        0.067237,
        0.0137575,
        0.993443,
        -0.113501
    ],
    "ConversionSoftware": "dcm2niix",
    "ConversionSoftwareVersion": "v1.0.20211006"
}