{
    "Manufacturer": "Philips",
    "PatientPosition": "HFS",
    "SeriesDescription": "ImageMRSERIES",
    "ProtocolName": "task-(Visact)_acq-Mb4Mm2Tr1600_run-(01)_bold",
    "SeriesNumber": 3,
    "AcquisitionNumber": 3,
    "ImageComments": "VISACT",
    "PhilipsRescaleSlope": 0.88571,
    "PhilipsRescaleIntercept": 0,
    "PhilipsScaleSlope": 0.0727799,
    "UsePhilipsFloatNotDisplayScaling": 1,
    "EchoTime": 0.03,
    "RepetitionTime": 1.6,
    "ImageOrientationPatientDICOM": [
        0.998709,
        0.0264192,
        0.0433949,
        -0.0238847,
        0.998035,
        -0.0579211
    ],
    "ConversionSoftware": "dcm2niix",
    "ConversionSoftwareVersion": "v1.0.20211006",
    "TaskName": "VISACT",
    "TotalReadoutTime": 0.0538836,
    "PhaseEncodingDirection": "j"
}