{
    "Manufacturer": "Philips",
    "PatientPosition": "HFS",
    "SeriesDescription": "ImageMRSERIES",
    "ProtocolName": "acq-AxialNsig1Mm1_T1w",
    "SeriesNumber": 2,
    "AcquisitionNumber": 2,
    "ImageComments": "VISACT",
    "PhilipsRescaleSlope": 3.57241,
    "PhilipsRescaleIntercept": 0,
    "PhilipsScaleSlope": 0.00332034,
    "UsePhilipsFloatNotDisplayScaling": 1,
    "EchoTime": 0.00373,
    "RepetitionTime": 0.008155,
    "InversionTime": 0.9,
    "ImageOrientationPatientDICOM": [
        0.996041,
        -0.0607075,
        0.0649401,
        0.060397,
        0.998152,
        0.00673543
    ],
    "ConversionSoftware": "dcm2niix",
    "ConversionSoftwareVersion": "v1.0.20211006"
}