{
    "Manufacturer": "Philips",
    "PatientPosition": "HFS",
    "SeriesDescription": "ImageMRSERIES",
    "ProtocolName": "acq-AxialNsig1Mm1_T1w",
    "SeriesNumber": 2,
    "AcquisitionNumber": 2,
    "ImageComments": "VISACT",
    "PhilipsRescaleSlope": 4.52552,
    "PhilipsRescaleIntercept": 0,
    "PhilipsScaleSlope": 0.00526346,
    "UsePhilipsFloatNotDisplayScaling": 1,
    "EchoTime": 0.00375,
    "RepetitionTime": 0.008177,
    "InversionTime": 0.9,
    "ImageOrientationPatientDICOM": [
        0.999465,
        0.0307301,
        0.0111747,
        -0.0305364,
        0.999387,
        -0.0171036
    ],
    "ConversionSoftware": "dcm2niix",
    "ConversionSoftwareVersion": "v1.0.20211006"
}