{
    "Manufacturer": "Philips",
    "PatientPosition": "HFS",
    "SeriesDescription": "ImageMRSERIES",
    "ProtocolName": "ScenePRF_run03",
    "SeriesNumber": 15,
    "AcquisitionNumber": 15,
    "ImageComments": "VISACT",
    "PhilipsRescaleSlope": 0.78388,
    "PhilipsRescaleIntercept": 0,
    "PhilipsScaleSlope": 0.0283037,
    "UsePhilipsFloatNotDisplayScaling": 1,
    "EchoTime": 0.02763,
    "RepetitionTime": 2,
    "ImageOrientationPatientDICOM": [
        0.998561,
        -0.0380689,
        0.0377791,
        0.0435981,
        0.986415,
        -0.158384
    ],
    "ConversionSoftware": "dcm2niix",
    "ConversionSoftwareVersion": "v1.0.20211006",
    "TaskName": "ScenePRF",
    "TotalReadoutTime": 0.0269452,
    "PhaseEncodingDirection": "j"
}