{
    "Manufacturer": "Philips",
    "PatientPosition": "HFS",
    "SeriesDescription": "ImageMRSERIES",
    "ProtocolName": "acq-AxialNsig1Mm1_T1w",
    "SeriesNumber": 2,
    "AcquisitionNumber": 2,
    "ImageComments": "VISACT",
    "PhilipsRescaleSlope": 5.13114,
    "PhilipsRescaleIntercept": 0,
    "PhilipsScaleSlope": 0.00505801,
    "UsePhilipsFloatNotDisplayScaling": 1,
    "EchoTime": 0.00377,
    "RepetitionTime": 0.00822,
    "InversionTime": 0.9,
    "ImageOrientationPatientDICOM": [
        0.999764,
        0.0142909,
        -0.0163842,
        -0.0160546,
        0.993451,
        -0.113128
    ],
    "ConversionSoftware": "dcm2niix",
    "ConversionSoftwareVersion": "v1.0.20211006"
}