{
    "Manufacturer": "Philips",
    "PatientPosition": "HFS",
    "SeriesDescription": "ImageMRSERIES",
    "ProtocolName": "CategorySix_run02_topup",
    "SeriesNumber": 6,
    "AcquisitionNumber": 6,
    "ImageComments": "VISACT",
    "PhilipsRescaleSlope": 0.82613,
    "PhilipsRescaleIntercept": 0,
    "PhilipsScaleSlope": 0.020531,
    "UsePhilipsFloatNotDisplayScaling": 1,
    "EchoTime": 0.02763,
    "RepetitionTime": 2,
    "ImageOrientationPatientDICOM": [
        0.994584,
        -0.0914086,
        0.0494603,
        0.0906893,
        0.995741,
        0.0166024
    ],
    "ConversionSoftware": "dcm2niix",
    "ConversionSoftwareVersion": "v1.0.20211006",
    "IntendedFor": [
        "ses-001/func/sub-012_ses-001_task-CategorySix_acq-localizer_dir-AP_run-02_bold.nii.gz"
    ],
    "TaskName": "CategorySix",
    "TotalReadoutTime": 0.0269452,
    "PhaseEncodingDirection": "j-"
}