{
    "Manufacturer": "Philips",
    "PatientPosition": "HFS",
    "SeriesDescription": "ImageMRSERIES",
    "ProtocolName": "acq-AxialNsig1Mm1_T1w",
    "SeriesNumber": 2,
    "AcquisitionNumber": 2,
    "ImageComments": "VISACT",
    "PhilipsRescaleSlope": 3.92552,
    "PhilipsRescaleIntercept": 0,
    "PhilipsScaleSlope": 0.005005,
    "UsePhilipsFloatNotDisplayScaling": 1,
    "EchoTime": 0.00378,
    "RepetitionTime": 0.008215,
    "InversionTime": 0.9,
    "ImageOrientationPatientDICOM": [
        0.995145,
        -0.0922572,
        0.0342695,
        0.0938937,
        0.994342,
        -0.0496851
    ],
    "ConversionSoftware": "dcm2niix",
    "ConversionSoftwareVersion": "v1.0.20211006"
}