{
    "Manufacturer": "Philips",
    "PatientPosition": "HFS",
    "SeriesDescription": "ImageMRSERIES",
    "ProtocolName": "task-(Visact)_acq-Mb4Mm2Tr1600_run-(06)_bold",
    "SeriesNumber": 13,
    "AcquisitionNumber": 13,
    "ImageComments": "VISACT",
    "PhilipsRescaleSlope": 0.81905,
    "PhilipsRescaleIntercept": 0,
    "PhilipsScaleSlope": 0.0509469,
    "UsePhilipsFloatNotDisplayScaling": 1,
    "EchoTime": 0.03,
    "RepetitionTime": 1.6,
    "ImageOrientationPatientDICOM": [
        0.99752,
        -0.0176132,
        0.0681432,
        0.0135806,
        0.998154,
        0.0591941
    ],
    "ConversionSoftware": "dcm2niix",
    "ConversionSoftwareVersion": "v1.0.20211006",
    "TaskName": "VISACT",
    "TotalReadoutTime": 0.0538836,
    "PhaseEncodingDirection": "j"
}