{
    "Manufacturer": "Philips",
    "PatientPosition": "HFS",
    "SeriesDescription": "ImageMRSERIES",
    "ProtocolName": "task-(Visact)_acq-Mb4Mm2Tr1600_run-(04)_topup",
    "SeriesNumber": 10,
    "AcquisitionNumber": 10,
    "ImageComments": "VISACT",
    "PhilipsRescaleSlope": 1.05079,
    "PhilipsRescaleIntercept": 0,
    "PhilipsScaleSlope": 0.0780484,
    "UsePhilipsFloatNotDisplayScaling": 1,
    "EchoTime": 0.03,
    "RepetitionTime": 1.6,
    "ImageOrientationPatientDICOM": [
        0.998709,
        0.0264192,
        0.0433949,
        -0.0238847,
        0.998035,
        -0.0579211
    ],
    "ConversionSoftware": "dcm2niix",
    "ConversionSoftwareVersion": "v1.0.20211006",
    "IntendedFor": [
        "ses-002/func/sub-005_ses-002_task-VISACT_acq-Mb4Mm2Tr1600_dir-AP_run-04_bold.nii.gz"
    ],
    "TotalReadoutTime": 0.0538836,
    "PhaseEncodingDirection": "j-",
    "TaskName": "VISACT"
}