{
    "Manufacturer": "Philips",
    "PatientPosition": "HFS",
    "SeriesDescription": "ImageMRSERIES",
    "ProtocolName": "acq-AxialNsig1Mm1_T1w",
    "SeriesNumber": 2,
    "AcquisitionNumber": 2,
    "ImageComments": "VISACT",
    "PhilipsRescaleSlope": 4.70916,
    "PhilipsRescaleIntercept": 0,
    "PhilipsScaleSlope": 0.00368271,
    "UsePhilipsFloatNotDisplayScaling": 1,
    "EchoTime": 0.00376,
    "RepetitionTime": 0.008212,
    "InversionTime": 0.9,
    "ImageOrientationPatientDICOM": [
        0.99641,
        0.00124952,
        0.0846499,
        0.00434769,
        0.997816,
        -0.0659052
    ],
    "ConversionSoftware": "dcm2niix",
    "ConversionSoftwareVersion": "v1.0.20211006"
}