{
    "Manufacturer": "Philips",
    "PatientPosition": "HFS",
    "SeriesDescription": "ImageMRSERIES",
    "ProtocolName": "acq-AxialNsig1Mm1_T1w",
    "SeriesNumber": 2,
    "AcquisitionNumber": 2,
    "ImageComments": "VISACT",
    "PhilipsRescaleSlope": 5.20513,
    "PhilipsRescaleIntercept": 0,
    "PhilipsScaleSlope": 0.00471807,
    "UsePhilipsFloatNotDisplayScaling": 1,
    "EchoTime": 0.0038,
    "RepetitionTime": 0.008271,
    "InversionTime": 0.9,
    "ImageOrientationPatientDICOM": [
        0.999861,
        -0.0023564,
        0.0165013,
        0.00506079,
        0.986142,
        -0.165827
    ],
    "ConversionSoftware": "dcm2niix",
    "ConversionSoftwareVersion": "v1.0.20211006"
}