{
    "Manufacturer": "Philips",
    "PatientPosition": "HFS",
    "SeriesDescription": "ImageMRSERIES",
    "ProtocolName": "acq-AxialNsig1Mm1_T1w",
    "SeriesNumber": 2,
    "AcquisitionNumber": 2,
    "ImageComments": "VISACT",
    "PhilipsRescaleSlope": 5.19878,
    "PhilipsRescaleIntercept": 0,
    "PhilipsScaleSlope": 0.00352192,
    "UsePhilipsFloatNotDisplayScaling": 1,
    "EchoTime": 0.00374,
    "RepetitionTime": 0.008165,
    "InversionTime": 0.9,
    "ImageOrientationPatientDICOM": [
        0.999884,
        0.00609986,
        0.0139647,
        -0.00523543,
        0.998116,
        -0.0611225
    ],
    "ConversionSoftware": "dcm2niix",
    "ConversionSoftwareVersion": "v1.0.20211006"
}