{
    "Manufacturer": "Philips",
    "PatientPosition": "HFS",
    "SeriesDescription": "ImageMRSERIES",
    "ProtocolName": "task-(Visact)_acq-Mb4Mm2Tr1600_run-(01)_topup",
    "SeriesNumber": 4,
    "AcquisitionNumber": 4,
    "ImageComments": "VISACT",
    "PhilipsRescaleSlope": 0.90403,
    "PhilipsRescaleIntercept": 0,
    "PhilipsScaleSlope": 0.0761125,
    "UsePhilipsFloatNotDisplayScaling": 1,
    "EchoTime": 0.03,
    "RepetitionTime": 1.6,
    "ImageOrientationPatientDICOM": [
        0.999168,
        -0.0366459,
        0.0179241,
        0.0390827,
        0.985836,
        -0.163094
    ],
    "ConversionSoftware": "dcm2niix",
    "ConversionSoftwareVersion": "v1.0.20211006",
    "IntendedFor": [
        "ses-003/func/sub-003_ses-003_task-VISACT_acq-Mb4Mm2Tr1600_dir-AP_run-01_bold.nii.gz"
    ],
    "TaskName": "VISACT",
    "TotalReadoutTime": 0.0538836,
    "PhaseEncodingDirection": "j-"
}