{
    "Manufacturer": "Philips",
    "PatientPosition": "HFS",
    "SeriesDescription": "ImageMRSERIES",
    "ProtocolName": "acq-AxialNsig1Mm1_T1w",
    "SeriesNumber": 2,
    "AcquisitionNumber": 2,
    "ImageComments": "VISACT",
    "PhilipsRescaleSlope": 4.19585,
    "PhilipsRescaleIntercept": 0,
    "PhilipsScaleSlope": 0.00327193,
    "UsePhilipsFloatNotDisplayScaling": 1,
    "EchoTime": 0.00377,
    "RepetitionTime": 0.00823,
    "InversionTime": 0.9,
    "ImageOrientationPatientDICOM": [
        0.998667,
        -0.0167821,
        0.0488195,
        0.011853,
        0.994961,
        0.0995588
    ],
    "ConversionSoftware": "dcm2niix",
    "ConversionSoftwareVersion": "v1.0.20211006"
}