{
    "Manufacturer": "Philips",
    "PatientPosition": "HFS",
    "SeriesDescription": "ImageMRSERIES",
    "ProtocolName": "CategorySix_run01_topup",
    "SeriesNumber": 4,
    "AcquisitionNumber": 4,
    "ImageComments": "VISACT",
    "PhilipsRescaleSlope": 0.75458,
    "PhilipsRescaleIntercept": 0,
    "PhilipsScaleSlope": 0.0163498,
    "UsePhilipsFloatNotDisplayScaling": 1,
    "EchoTime": 0.02763,
    "RepetitionTime": 2,
    "ImageOrientationPatientDICOM": [
        0.999102,
        -0.00332409,
        -0.0422421,
        0.0092422,
        0.990011,
        0.140689
    ],
    "ConversionSoftware": "dcm2niix",
    "ConversionSoftwareVersion": "v1.0.20211006",
    "IntendedFor": [
        "ses-001/func/sub-011_ses-001_task-CategorySix_acq-localizer_dir-AP_run-01_bold.nii.gz"
    ],
    "TaskName": "CategorySix",
    "TotalReadoutTime": 0.0269452,
    "PhaseEncodingDirection": "j-"
}