{
    "Manufacturer": "Philips",
    "PatientPosition": "HFS",
    "SeriesDescription": "ImageMRSERIES",
    "ProtocolName": "acq-AxialNsig1Mm1_T1w",
    "SeriesNumber": 2,
    "AcquisitionNumber": 2,
    "ImageComments": "VISACT",
    "PhilipsRescaleSlope": 3.93504,
    "PhilipsRescaleIntercept": 0,
    "PhilipsScaleSlope": 0.00554341,
    "UsePhilipsFloatNotDisplayScaling": 1,
    "EchoTime": 0.00373,
    "RepetitionTime": 0.008159,
    "InversionTime": 0.9,
    "ImageOrientationPatientDICOM": [
        0.997055,
        -0.0382653,
        0.0664606,
        0.0367346,
        0.999034,
        0.0241037
    ],
    "ConversionSoftware": "dcm2niix",
    "ConversionSoftwareVersion": "v1.0.20211006"
}