{
    "Manufacturer": "Philips",
    "PatientPosition": "HFS",
    "SeriesDescription": "ImageMRSERIES",
    "ProtocolName": "acq-AxialNsig1Mm1_T1w",
    "SeriesNumber": 2,
    "AcquisitionNumber": 2,
    "ImageComments": "VISACT",
    "PhilipsRescaleSlope": 5.38486,
    "PhilipsRescaleIntercept": 0,
    "PhilipsScaleSlope": 0.00491512,
    "UsePhilipsFloatNotDisplayScaling": 1,
    "EchoTime": 0.00383,
    "RepetitionTime": 0.008315,
    "InversionTime": 0.9,
    "ImageOrientationPatientDICOM": [
        0.99978,
        -0.014683,
        -0.0149591,
        0.0113426,
        0.979119,
        -0.20297
    ],
    "ConversionSoftware": "dcm2niix",
    "ConversionSoftwareVersion": "v1.0.20211006"
}