{
    "Manufacturer": "Philips",
    "PatientPosition": "HFS",
    "SeriesDescription": "ImageMRSERIES",
    "ProtocolName": "task-(Visact)_acq-Mb4Mm2Tr1600_run-(05)_bold",
    "SeriesNumber": 11,
    "AcquisitionNumber": 11,
    "ImageComments": "VISACT",
    "PhilipsRescaleSlope": 0.87546,
    "PhilipsRescaleIntercept": 0,
    "PhilipsScaleSlope": 0.0357678,
    "UsePhilipsFloatNotDisplayScaling": 1,
    "EchoTime": 0.03,
    "RepetitionTime": 1.6,
    "ImageOrientationPatientDICOM": [
        0.997102,
        -0.0734355,
        -0.0198789,
        0.0643049,
        0.953145,
        -0.295599
    ],
    "ConversionSoftware": "dcm2niix",
    "ConversionSoftwareVersion": "v1.0.20211006",
    "TaskName": "VISACT",
    "TotalReadoutTime": 0.0538836,
    "PhaseEncodingDirection": "j"
}