{
    "Manufacturer": "Philips",
    "PatientPosition": "HFS",
    "SeriesDescription": "ImageMRSERIES",
    "ProtocolName": "task-(Visact)_acq-Mb4Mm2Tr1600_run-(04)_topup",
    "SeriesNumber": 10,
    "AcquisitionNumber": 10,
    "ImageComments": "VISACT",
    "PhilipsRescaleSlope": 0.82198,
    "PhilipsRescaleIntercept": 0,
    "PhilipsScaleSlope": 0.0633899,
    "UsePhilipsFloatNotDisplayScaling": 1,
    "EchoTime": 0.03,
    "RepetitionTime": 1.6,
    "ImageOrientationPatientDICOM": [
        0.999929,
        0.000873748,
        -0.0119241,
        -0.00663187,
        0.870369,
        -0.492355
    ],
    "ConversionSoftware": "dcm2niix",
    "ConversionSoftwareVersion": "v1.0.20211006",
    "IntendedFor": [
        "ses-002/func/sub-006_ses-002_task-VISACT_acq-Mb4Mm2Tr1600_dir-AP_run-04_bold.nii.gz"
    ],
    "TotalReadoutTime": 0.0538836,
    "PhaseEncodingDirection": "j-",
    "TaskName": "VISACT"
}