{
    "Manufacturer": "Philips",
    "PatientPosition": "HFS",
    "SeriesDescription": "ImageMRSERIES",
    "ProtocolName": "acq-AxialNsig1Mm1_T1w",
    "SeriesNumber": 2,
    "AcquisitionNumber": 2,
    "ImageComments": "VISACT",
    "PhilipsRescaleSlope": 4.6188,
    "PhilipsRescaleIntercept": 0,
    "PhilipsScaleSlope": 0.00273386,
    "UsePhilipsFloatNotDisplayScaling": 1,
    "EchoTime": 0.00378,
    "RepetitionTime": 0.008211,
    "InversionTime": 0.9,
    "ImageOrientationPatientDICOM": [
        0.99447,
        -0.0982387,
        0.0371168,
        0.0964574,
        0.994223,
        0.0470738
    ],
    "ConversionSoftware": "dcm2niix",
    "ConversionSoftwareVersion": "v1.0.20211006"
}