{
    "Manufacturer": "Philips",
    "PatientPosition": "HFS",
    "SeriesDescription": "ImageMRSERIES",
    "ProtocolName": "acq-AxialNsig1Mm1_T1w",
    "SeriesNumber": 2,
    "AcquisitionNumber": 2,
    "ImageComments": "VISACT",
    "PhilipsRescaleSlope": 4.90818,
    "PhilipsRescaleIntercept": 0,
    "PhilipsScaleSlope": 0.00528639,
    "UsePhilipsFloatNotDisplayScaling": 1,
    "EchoTime": 0.00374,
    "RepetitionTime": 0.008171,
    "InversionTime": 0.9,
    "ImageOrientationPatientDICOM": [
        0.999286,
        -0.00102717,
        0.0377794,
        0.00279054,
        0.998907,
        -0.0466525
    ],
    "ConversionSoftware": "dcm2niix",
    "ConversionSoftwareVersion": "v1.0.20211006"
}