{
    "Manufacturer": "Philips",
    "PatientPosition": "HFS",
    "SeriesDescription": "ImageMRSERIES",
    "ProtocolName": "acq-AxialNsig1Mm1_T1w",
    "SeriesNumber": 2,
    "AcquisitionNumber": 2,
    "ImageComments": "VISACT",
    "PhilipsRescaleSlope": 4.22393,
    "PhilipsRescaleIntercept": 0,
    "PhilipsScaleSlope": 0.00518682,
    "UsePhilipsFloatNotDisplayScaling": 1,
    "EchoTime": 0.00372,
    "RepetitionTime": 0.008127,
    "InversionTime": 0.9,
    "ImageOrientationPatientDICOM": [
        0.999901,
        0.00108323,
        0.0140291,
        -0.00174516,
        0.998881,
        0.0472564
    ],
    "ConversionSoftware": "dcm2niix",
    "ConversionSoftwareVersion": "v1.0.20211006"
}