{
    "Manufacturer": "Philips",
    "PatientPosition": "HFS",
    "SeriesDescription": "ImageMRSERIES",
    "ProtocolName": "task-(Visact)_acq-Mb4Mm2Tr1600_run-(06)_topup",
    "SeriesNumber": 14,
    "AcquisitionNumber": 14,
    "ImageComments": "VISACT",
    "PhilipsRescaleSlope": 0.87839,
    "PhilipsRescaleIntercept": 0,
    "PhilipsScaleSlope": 0.0694773,
    "UsePhilipsFloatNotDisplayScaling": 1,
    "EchoTime": 0.03,
    "RepetitionTime": 1.6,
    "ImageOrientationPatientDICOM": [
        0.999928,
        0.00242955,
        -0.0117236,
        -0.00610829,
        0.945692,
        -0.325007
    ],
    "ConversionSoftware": "dcm2niix",
    "ConversionSoftwareVersion": "v1.0.20211006",
    "IntendedFor": [
        "ses-004/func/sub-010_ses-004_task-VISACT_acq-Mb4Mm2Tr1600_dir-AP_run-06_bold.nii.gz"
    ],
    "TaskName": "VISACT",
    "TotalReadoutTime": 0.0538836,
    "PhaseEncodingDirection": "j-"
}