{
    "Manufacturer": "Philips",
    "PatientPosition": "HFS",
    "SeriesDescription": "ImageMRSERIES",
    "ProtocolName": "ScenePRF_run02",
    "SeriesNumber": 17,
    "AcquisitionNumber": 17,
    "ImageComments": "VISACT",
    "PhilipsRescaleSlope": 0.80586,
    "PhilipsRescaleIntercept": 0,
    "PhilipsScaleSlope": 0.0204669,
    "UsePhilipsFloatNotDisplayScaling": 1,
    "EchoTime": 0.02763,
    "RepetitionTime": 2,
    "ImageOrientationPatientDICOM": [
        0.999948,
        -0.00321079,
        0.00967584,
        0.00628294,
        0.941528,
        -0.336877
    ],
    "ConversionSoftware": "dcm2niix",
    "ConversionSoftwareVersion": "v1.0.20211006",
    "TaskName": "ScenePRF",
    "TotalReadoutTime": 0.0269452,
    "PhaseEncodingDirection": "j"
}