{
    "Manufacturer": "Philips",
    "PatientPosition": "HFS",
    "SeriesDescription": "ImageMRSERIES",
    "ProtocolName": "acq-AxialNsig1Mm1_T1w",
    "SeriesNumber": 2,
    "AcquisitionNumber": 2,
    "ImageComments": "VISACT",
    "PhilipsRescaleSlope": 3.98437,
    "PhilipsRescaleIntercept": 0,
    "PhilipsScaleSlope": 0.00460674,
    "UsePhilipsFloatNotDisplayScaling": 1,
    "EchoTime": 0.00378,
    "RepetitionTime": 0.008229,
    "InversionTime": 0.9,
    "ImageOrientationPatientDICOM": [
        0.999954,
        0.00624401,
        -0.00734282,
        -0.00715564,
        0.991288,
        -0.131515
    ],
    "ConversionSoftware": "dcm2niix",
    "ConversionSoftwareVersion": "v1.0.20211006"
}