{
    "Manufacturer": "Philips",
    "PatientPosition": "HFS",
    "SeriesDescription": "ImageMRSERIES",
    "ProtocolName": "task-(Visact)_acq-Mb4Mm2Tr1600_run-(01)_topup",
    "SeriesNumber": 4,
    "AcquisitionNumber": 4,
    "ImageComments": "VISACT",
    "PhilipsRescaleSlope": 0.842,
    "PhilipsRescaleIntercept": 0,
    "PhilipsScaleSlope": 0.0743029,
    "UsePhilipsFloatNotDisplayScaling": 1,
    "EchoTime": 0.03,
    "RepetitionTime": 1.6,
    "ImageOrientationPatientDICOM": [
        0.999948,
        -0.00321079,
        0.00967584,
        0.00628294,
        0.941528,
        -0.336877
    ],
    "ConversionSoftware": "dcm2niix",
    "ConversionSoftwareVersion": "v1.0.20211006",
    "IntendedFor": [
        "ses-002/func/sub-016_ses-002_task-VISACT_acq-Mb4Mm2Tr1600_dir-AP_run-01_bold.nii.gz"
    ],
    "TaskName": "VISACT",
    "TotalReadoutTime": 0.0538836,
    "PhaseEncodingDirection": "j-"
}