{
    "Manufacturer": "Philips",
    "PatientPosition": "HFS",
    "SeriesDescription": "ImageMRSERIES",
    "ProtocolName": "ScenePRF_run02_topup",
    "SeriesNumber": 18,
    "AcquisitionNumber": 18,
    "ImageComments": "VISACT",
    "PhilipsRescaleSlope": 0.73919,
    "PhilipsRescaleIntercept": 0,
    "PhilipsScaleSlope": 0.020645,
    "UsePhilipsFloatNotDisplayScaling": 1,
    "EchoTime": 0.02763,
    "RepetitionTime": 2,
    "ImageOrientationPatientDICOM": [
        0.999948,
        -0.00321079,
        0.00967584,
        0.00628294,
        0.941528,
        -0.336877
    ],
    "ConversionSoftware": "dcm2niix",
    "ConversionSoftwareVersion": "v1.0.20211006",
    "IntendedFor": [
        "ses-002/func/sub-016_ses-002_task-ScenePRF_acq-PRF_dir-AP_run-02_bold.nii.gz"
    ],
    "TotalReadoutTime": 0.0269452,
    "PhaseEncodingDirection": "j-",
    "TaskName": "ScenePRF"
}