{
    "Manufacturer": "Philips",
    "PatientPosition": "HFS",
    "SeriesDescription": "ImageMRSERIES",
    "ProtocolName": "task-(Visact)_acq-Mb4Mm2Tr1600_run-(02)_bold",
    "SeriesNumber": 5,
    "AcquisitionNumber": 5,
    "ImageComments": "VISACT",
    "PhilipsRescaleSlope": 0.89304,
    "PhilipsRescaleIntercept": 0,
    "PhilipsScaleSlope": 0.0686019,
    "UsePhilipsFloatNotDisplayScaling": 1,
    "EchoTime": 0.03,
    "RepetitionTime": 1.6,
    "ImageOrientationPatientDICOM": [
        0.99979,
        0.00142891,
        0.0204367,
        0.00488594,
        0.952148,
        -0.305599
    ],
    "ConversionSoftware": "dcm2niix",
    "ConversionSoftwareVersion": "v1.0.20211006",
    "TaskName": "VISACT",
    "TotalReadoutTime": 0.0269452,
    "PhaseEncodingDirection": "j"
}