{
    "Manufacturer": "Philips",
    "PatientPosition": "HFS",
    "SeriesDescription": "ImageMRSERIES",
    "ProtocolName": "acq-AxialNsig1Mm1_T1w",
    "SeriesNumber": 2,
    "AcquisitionNumber": 2,
    "ImageComments": "VISACT",
    "PhilipsRescaleSlope": 4.91648,
    "PhilipsRescaleIntercept": 0,
    "PhilipsScaleSlope": 0.00513363,
    "UsePhilipsFloatNotDisplayScaling": 1,
    "EchoTime": 0.00382,
    "RepetitionTime": 0.008301,
    "InversionTime": 0.9,
    "ImageOrientationPatientDICOM": [
        0.998408,
        0.0497267,
        0.0266281,
        -0.0449882,
        0.986749,
        -0.155895
    ],
    "ConversionSoftware": "dcm2niix",
    "ConversionSoftwareVersion": "v1.0.20211006"
}