{
    "Manufacturer": "Philips",
    "PatientPosition": "HFS",
    "SeriesDescription": "ImageMRSERIES",
    "ProtocolName": "acq-AxialNsig1Mm1_T1w",
    "SeriesNumber": 2,
    "AcquisitionNumber": 2,
    "ImageComments": "VISACT",
    "PhilipsRescaleSlope": 4.21514,
    "PhilipsRescaleIntercept": 0,
    "PhilipsScaleSlope": 0.00505032,
    "UsePhilipsFloatNotDisplayScaling": 1,
    "EchoTime": 0.00373,
    "RepetitionTime": 0.008116,
    "InversionTime": 0.9,
    "ImageOrientationPatientDICOM": [
        0.997864,
        -0.0648494,
        0.00792358,
        0.0648787,
        0.997887,
        -0.00350755
    ],
    "ConversionSoftware": "dcm2niix",
    "ConversionSoftwareVersion": "v1.0.20211006"
}