{
    "Manufacturer": "Philips",
    "PatientPosition": "HFS",
    "SeriesDescription": "ImageMRSERIES",
    "ProtocolName": "ScenePRF_run03_topup",
    "SeriesNumber": 16,
    "AcquisitionNumber": 16,
    "ImageComments": "VISACT",
    "PhilipsRescaleSlope": 0.75238,
    "PhilipsRescaleIntercept": 0,
    "PhilipsScaleSlope": 0.0247388,
    "UsePhilipsFloatNotDisplayScaling": 1,
    "EchoTime": 0.02763,
    "RepetitionTime": 2,
    "ImageOrientationPatientDICOM": [
        0.998367,
        0.0527905,
        -0.0218399,
        -0.0559922,
        0.980075,
        -0.19057
    ],
    "ConversionSoftware": "dcm2niix",
    "ConversionSoftwareVersion": "v1.0.20211006",
    "IntendedFor": [
        "ses-001/func/sub-015_ses-001_task-ScenePRF_acq-PRF_dir-AP_run-03_bold.nii.gz"
    ],
    "TotalReadoutTime": 0.0269452,
    "PhaseEncodingDirection": "j-",
    "TaskName": "ScenePRF"
}