{
    "Manufacturer": "Philips",
    "PatientPosition": "HFS",
    "SeriesDescription": "ImageMRSERIES",
    "ProtocolName": "CategorySix_run05_topup",
    "SeriesNumber": 20,
    "AcquisitionNumber": 20,
    "ImageComments": "VISACT",
    "PhilipsRescaleSlope": 0.85836,
    "PhilipsRescaleIntercept": 0,
    "PhilipsScaleSlope": 0.0174952,
    "UsePhilipsFloatNotDisplayScaling": 1,
    "EchoTime": 0.02763,
    "RepetitionTime": 2,
    "ImageOrientationPatientDICOM": [
        0.999104,
        -0.0148309,
        -0.0396347,
        0.0134278,
        0.999282,
        -0.0354353
    ],
    "ConversionSoftware": "dcm2niix",
    "ConversionSoftwareVersion": "v1.0.20211006",
    "IntendedFor": [
        "ses-001/func/sub-004_ses-001_task-CategorySix_acq-localizer_dir-AP_run-05_bold.nii.gz"
    ],
    "TaskName": "CategorySix",
    "TotalReadoutTime": 0.0269452,
    "PhaseEncodingDirection": "j-"
}