{
    "Manufacturer": "Philips",
    "PatientPosition": "HFS",
    "SeriesDescription": "ImageMRSERIES",
    "ProtocolName": "ScenePRF_run01_topup",
    "SeriesNumber": 8,
    "AcquisitionNumber": 8,
    "ImageComments": "VISACT",
    "PhilipsRescaleSlope": 0.7956,
    "PhilipsRescaleIntercept": 0,
    "PhilipsScaleSlope": 0.0205558,
    "UsePhilipsFloatNotDisplayScaling": 1,
    "EchoTime": 0.02763,
    "RepetitionTime": 2,
    "ImageOrientationPatientDICOM": [
        0.999104,
        -0.0148309,
        -0.0396347,
        0.0134278,
        0.999282,
        -0.0354353
    ],
    "ConversionSoftware": "dcm2niix",
    "ConversionSoftwareVersion": "v1.0.20211006",
    "IntendedFor": [
        "ses-001/func/sub-004_ses-001_task-ScenePRF_acq-PRF_dir-AP_run-01_bold.nii.gz"
    ],
    "TotalReadoutTime": 0.0269452,
    "PhaseEncodingDirection": "j-",
    "TaskName": "ScenePRF"
}