{
    "Manufacturer": "Philips",
    "PatientPosition": "HFS",
    "SeriesDescription": "ImageMRSERIES",
    "ProtocolName": "task-(Visact)_acq-Mb4Mm2Tr1600_run-(03)_bold",
    "SeriesNumber": 7,
    "AcquisitionNumber": 7,
    "ImageComments": "VISACT",
    "PhilipsRescaleSlope": 0.90696,
    "PhilipsRescaleIntercept": 0,
    "PhilipsScaleSlope": 0.0709916,
    "UsePhilipsFloatNotDisplayScaling": 1,
    "EchoTime": 0.03,
    "RepetitionTime": 1.6,
    "ImageOrientationPatientDICOM": [
        0.999917,
        -0.012559,
        -0.00295541,
        0.0111696,
        0.957289,
        -0.288916
    ],
    "ConversionSoftware": "dcm2niix",
    "ConversionSoftwareVersion": "v1.0.20211006",
    "TaskName": "VISACT",
    "TotalReadoutTime": 0.0538836,
    "PhaseEncodingDirection": "j"
}