{
    "Manufacturer": "Philips",
    "PatientPosition": "HFS",
    "SeriesDescription": "ImageMRSERIES",
    "ProtocolName": "task-(Visact)_acq-Mb4Mm2Tr1600_run-(02)_bold",
    "SeriesNumber": 5,
    "AcquisitionNumber": 5,
    "ImageComments": "VISACT",
    "PhilipsRescaleSlope": 0.93309,
    "PhilipsRescaleIntercept": 0,
    "PhilipsScaleSlope": 0.0717645,
    "UsePhilipsFloatNotDisplayScaling": 1,
    "EchoTime": 0.03,
    "RepetitionTime": 1.6,
    "ImageOrientationPatientDICOM": [
        0.996444,
        -0.06855,
        0.0489911,
        0.0768471,
        0.977826,
        -0.194809
    ],
    "ConversionSoftware": "dcm2niix",
    "ConversionSoftwareVersion": "v1.0.20211006",
    "TaskName": "VISACT",
    "TotalReadoutTime": 0.0269452,
    "PhaseEncodingDirection": "j"
}