{
    "Manufacturer": "Philips",
    "PatientPosition": "HFS",
    "SeriesDescription": "ImageMRSERIES",
    "ProtocolName": "ScenePRF_run04",
    "SeriesNumber": 17,
    "AcquisitionNumber": 17,
    "ImageComments": "VISACT",
    "PhilipsRescaleSlope": 0.75702,
    "PhilipsRescaleIntercept": 0,
    "PhilipsScaleSlope": 0.0250198,
    "UsePhilipsFloatNotDisplayScaling": 1,
    "EchoTime": 0.02763,
    "RepetitionTime": 2,
    "ImageOrientationPatientDICOM": [
        0.998367,
        0.0527905,
        -0.0218399,
        -0.0559922,
        0.980075,
        -0.19057
    ],
    "ConversionSoftware": "dcm2niix",
    "ConversionSoftwareVersion": "v1.0.20211006",
    "TaskName": "ScenePRF",
    "TotalReadoutTime": 0.0269452,
    "PhaseEncodingDirection": "j"
}