{
    "Manufacturer": "Philips",
    "PatientPosition": "HFS",
    "SeriesDescription": "ImageMRSERIES",
    "ProtocolName": "acq-AxialNsig1Mm1_T1w",
    "SeriesNumber": 2,
    "AcquisitionNumber": 2,
    "ImageComments": "VISACT",
    "PhilipsRescaleSlope": 4.4464,
    "PhilipsRescaleIntercept": 0,
    "PhilipsScaleSlope": 0.00333116,
    "UsePhilipsFloatNotDisplayScaling": 1,
    "EchoTime": 0.00383,
    "RepetitionTime": 0.008352,
    "InversionTime": 0.9,
    "ImageOrientationPatientDICOM": [
        0.994577,
        -0.0338007,
        0.0983615,
        0.0484689,
        0.987377,
        -0.150791
    ],
    "ConversionSoftware": "dcm2niix",
    "ConversionSoftwareVersion": "v1.0.20211006"
}