{
    "Manufacturer": "Philips",
    "PatientPosition": "HFS",
    "SeriesDescription": "ImageMRSERIES",
    "ProtocolName": "acq-AxialNsig1Mm1_T1w",
    "SeriesNumber": 2,
    "AcquisitionNumber": 2,
    "ImageComments": "VISACT",
    "PhilipsRescaleSlope": 4.26056,
    "PhilipsRescaleIntercept": 0,
    "PhilipsScaleSlope": 0.00408021,
    "UsePhilipsFloatNotDisplayScaling": 1,
    "EchoTime": 0.00382,
    "RepetitionTime": 0.008322,
    "InversionTime": 0.9,
    "ImageOrientationPatientDICOM": [
        0.997782,
        -0.0303744,
        0.0592385,
        0.0200295,
        0.985585,
        0.167992
    ],
    "ConversionSoftware": "dcm2niix",
    "ConversionSoftwareVersion": "v1.0.20211006"
}