{
    "Manufacturer": "Philips",
    "PatientPosition": "HFS",
    "SeriesDescription": "ImageMRSERIES",
    "ProtocolName": "acq-AxialNsig1Mm1_T1w",
    "SeriesNumber": 2,
    "AcquisitionNumber": 2,
    "ImageComments": "VISACT",
    "PhilipsRescaleSlope": 5.36654,
    "PhilipsRescaleIntercept": 0,
    "PhilipsScaleSlope": 0.00494324,
    "UsePhilipsFloatNotDisplayScaling": 1,
    "EchoTime": 0.00382,
    "RepetitionTime": 0.008316,
    "InversionTime": 0.9,
    "ImageOrientationPatientDICOM": [
        0.998492,
        -0.000178598,
        0.0548913,
        0.00941085,
        0.985746,
        -0.16798
    ],
    "ConversionSoftware": "dcm2niix",
    "ConversionSoftwareVersion": "v1.0.20211006"
}