{
    "Manufacturer": "Philips",
    "PatientPosition": "HFS",
    "SeriesDescription": "ImageMRSERIES",
    "ProtocolName": "task-(Visact)_acq-Mb4Mm2Tr1600_run-(04)_bold",
    "SeriesNumber": 9,
    "AcquisitionNumber": 9,
    "ImageComments": "VISACT",
    "PhilipsRescaleSlope": 0.90818,
    "PhilipsRescaleIntercept": 0,
    "PhilipsScaleSlope": 0.0568962,
    "UsePhilipsFloatNotDisplayScaling": 1,
    "EchoTime": 0.03,
    "RepetitionTime": 1.6,
    "ImageOrientationPatientDICOM": [
        0.996776,
        -0.0698647,
        0.0394497,
        0.0782729,
        0.95478,
        -0.286824
    ],
    "ConversionSoftware": "dcm2niix",
    "ConversionSoftwareVersion": "v1.0.20211006",
    "TaskName": "VISACT",
    "TotalReadoutTime": 0.0538836,
    "PhaseEncodingDirection": "j"
}