{
    "Manufacturer": "Philips",
    "PatientPosition": "HFS",
    "SeriesDescription": "ImageMRSERIES",
    "ProtocolName": "task-(Visact)_acq-Mb4Mm2Tr1600_run-(06)_bold",
    "SeriesNumber": 13,
    "AcquisitionNumber": 13,
    "ImageComments": "VISACT",
    "PhilipsRescaleSlope": 0.88669,
    "PhilipsRescaleIntercept": 0,
    "PhilipsScaleSlope": 0.0544362,
    "UsePhilipsFloatNotDisplayScaling": 1,
    "EchoTime": 0.03,
    "RepetitionTime": 1.6,
    "ImageOrientationPatientDICOM": [
        0.999589,
        0.0133484,
        -0.0253751,
        -0.0150048,
        0.99769,
        -0.0662488
    ],
    "ConversionSoftware": "dcm2niix",
    "ConversionSoftwareVersion": "v1.0.20211006",
    "TaskName": "VISACT",
    "TotalReadoutTime": 0.0538836,
    "PhaseEncodingDirection": "j"
}