{
    "Manufacturer": "Philips",
    "PatientPosition": "HFS",
    "SeriesDescription": "ImageMRSERIES",
    "ProtocolName": "acq-AxialNsig1Mm1_T1w",
    "SeriesNumber": 2,
    "AcquisitionNumber": 2,
    "ImageComments": "VISACT",
    "PhilipsRescaleSlope": 4.3514,
    "PhilipsRescaleIntercept": 0,
    "PhilipsScaleSlope": 0.00408747,
    "UsePhilipsFloatNotDisplayScaling": 1,
    "EchoTime": 0.00381,
    "RepetitionTime": 0.008268,
    "InversionTime": 0.9,
    "ImageOrientationPatientDICOM": [
        0.999424,
        -0.0338143,
        0.00278467,
        0.0338528,
        0.988334,
        -0.148491
    ],
    "ConversionSoftware": "dcm2niix",
    "ConversionSoftwareVersion": "v1.0.20211006"
}