{
    "Manufacturer": "Philips",
    "PatientPosition": "HFS",
    "SeriesDescription": "ImageMRSERIES",
    "ProtocolName": "acq-AxialNsig1Mm1_T1w",
    "SeriesNumber": 2,
    "AcquisitionNumber": 2,
    "ImageComments": "VISACT",
    "PhilipsRescaleSlope": 4.64591,
    "PhilipsRescaleIntercept": 0,
    "PhilipsScaleSlope": 0.00575763,
    "UsePhilipsFloatNotDisplayScaling": 1,
    "EchoTime": 0.00377,
    "RepetitionTime": 0.0082,
    "InversionTime": 0.9,
    "ImageOrientationPatientDICOM": [
        0.999593,
        0.0281088,
        -0.00491523,
        -0.028445,
        0.995231,
        -0.0933112
    ],
    "ConversionSoftware": "dcm2niix",
    "ConversionSoftwareVersion": "v1.0.20211006"
}