{
    "Manufacturer": "Philips",
    "PatientPosition": "HFS",
    "SeriesDescription": "ImageMRSERIES",
    "ProtocolName": "ScenePRF_run02",
    "SeriesNumber": 9,
    "AcquisitionNumber": 9,
    "ImageComments": "VISACT",
    "PhilipsRescaleSlope": 0.7956,
    "PhilipsRescaleIntercept": 0,
    "PhilipsScaleSlope": 0.0229489,
    "UsePhilipsFloatNotDisplayScaling": 1,
    "EchoTime": 0.02763,
    "RepetitionTime": 2,
    "ImageOrientationPatientDICOM": [
        0.994584,
        -0.0914086,
        0.0494603,
        0.0906893,
        0.995741,
        0.0166024
    ],
    "ConversionSoftware": "dcm2niix",
    "ConversionSoftwareVersion": "v1.0.20211006",
    "TaskName": "ScenePRF",
    "TotalReadoutTime": 0.0269452,
    "PhaseEncodingDirection": "j"
}