{
    "Manufacturer": "Philips",
    "PatientPosition": "HFS",
    "SeriesDescription": "ImageMRSERIES",
    "ProtocolName": "CategorySix_run01",
    "SeriesNumber": 3,
    "AcquisitionNumber": 3,
    "ImageComments": "VISACT",
    "PhilipsRescaleSlope": 0.7939,
    "PhilipsRescaleIntercept": 0,
    "PhilipsScaleSlope": 0.0222531,
    "UsePhilipsFloatNotDisplayScaling": 1,
    "EchoTime": 0.02763,
    "RepetitionTime": 2,
    "ImageOrientationPatientDICOM": [
        0.994584,
        -0.0914086,
        0.0494603,
        0.0906893,
        0.995741,
        0.0166024
    ],
    "ConversionSoftware": "dcm2niix",
    "ConversionSoftwareVersion": "v1.0.20211006",
    "TaskName": "CategorySix",
    "TotalReadoutTime": 0.0269452,
    "PhaseEncodingDirection": "j"
}