{
    "Manufacturer": "Philips",
    "PatientPosition": "HFS",
    "SeriesDescription": "ImageMRSERIES",
    "ProtocolName": "ScenePRF_run03",
    "SeriesNumber": 15,
    "AcquisitionNumber": 15,
    "ImageComments": "VISACT",
    "PhilipsRescaleSlope": 0.76239,
    "PhilipsRescaleIntercept": 0,
    "PhilipsScaleSlope": 0.0168688,
    "UsePhilipsFloatNotDisplayScaling": 1,
    "EchoTime": 0.02763,
    "RepetitionTime": 2,
    "ImageOrientationPatientDICOM": [
        0.999104,
        -0.0148309,
        -0.0396347,
        0.0134278,
        0.999282,
        -0.0354353
    ],
    "ConversionSoftware": "dcm2niix",
    "ConversionSoftwareVersion": "v1.0.20211006",
    "TaskName": "ScenePRF",
    "TotalReadoutTime": 0.0269452,
    "PhaseEncodingDirection": "j"
}