{
    "Manufacturer": "Philips",
    "PatientPosition": "HFS",
    "SeriesDescription": "ImageMRSERIES",
    "ProtocolName": "acq-AxialNsig1Mm1_T1w",
    "SeriesNumber": 2,
    "AcquisitionNumber": 2,
    "ImageComments": "VISACT",
    "PhilipsRescaleSlope": 4.22198,
    "PhilipsRescaleIntercept": 0,
    "PhilipsScaleSlope": 0.00536685,
    "UsePhilipsFloatNotDisplayScaling": 1,
    "EchoTime": 0.00372,
    "RepetitionTime": 0.008119,
    "InversionTime": 0.9,
    "ImageOrientationPatientDICOM": [
        0.999309,
        -0.0319308,
        0.0190188,
        0.0319283,
        0.99949,
        0.000433037
    ],
    "ConversionSoftware": "dcm2niix",
    "ConversionSoftwareVersion": "v1.0.20211006"
}