{
    "Manufacturer": "Philips",
    "PatientPosition": "HFS",
    "SeriesDescription": "ImageMRSERIES",
    "ProtocolName": "task-(Visact)_acq-Mb4Mm2Tr1600_run-(03)_topup",
    "SeriesNumber": 8,
    "AcquisitionNumber": 8,
    "ImageComments": "VISACT",
    "PhilipsRescaleSlope": 0.82979,
    "PhilipsRescaleIntercept": 0,
    "PhilipsScaleSlope": 0.0949023,
    "UsePhilipsFloatNotDisplayScaling": 1,
    "EchoTime": 0.03,
    "RepetitionTime": 1.6,
    "ImageOrientationPatientDICOM": [
        0.999764,
        0.0142909,
        -0.0163842,
        -0.0160546,
        0.993451,
        -0.113128
    ],
    "ConversionSoftware": "dcm2niix",
    "ConversionSoftwareVersion": "v1.0.20211006",
    "IntendedFor": [
        "ses-003/func/sub-015_ses-003_task-VISACT_acq-Mb4Mm2Tr1600_dir-AP_run-03_bold.nii.gz"
    ],
    "TotalReadoutTime": 0.0538836,
    "PhaseEncodingDirection": "j-",
    "TaskName": "VISACT"
}