{
    "Manufacturer": "Philips",
    "PatientPosition": "HFS",
    "SeriesDescription": "ImageMRSERIES",
    "ProtocolName": "acq-AxialNsig1Mm1_T1w",
    "SeriesNumber": 2,
    "AcquisitionNumber": 2,
    "ImageComments": "VISACT",
    "PhilipsRescaleSlope": 4.7304,
    "PhilipsRescaleIntercept": 0,
    "PhilipsScaleSlope": 0.00518949,
    "UsePhilipsFloatNotDisplayScaling": 1,
    "EchoTime": 0.00374,
    "RepetitionTime": 0.008156,
    "InversionTime": 0.9,
    "ImageOrientationPatientDICOM": [
        0.998521,
        0.0452545,
        0.0301214,
        -0.0441202,
        0.998329,
        -0.037312
    ],
    "ConversionSoftware": "dcm2niix",
    "ConversionSoftwareVersion": "v1.0.20211006"
}