{
    "Manufacturer": "Philips",
    "PatientPosition": "HFS",
    "SeriesDescription": "ImageMRSERIES",
    "ProtocolName": "acq-AxialNsig1Mm1_T1w",
    "SeriesNumber": 2,
    "AcquisitionNumber": 2,
    "ImageComments": "VISACT",
    "PhilipsRescaleSlope": 4.61001,
    "PhilipsRescaleIntercept": 0,
    "PhilipsScaleSlope": 0.00551843,
    "UsePhilipsFloatNotDisplayScaling": 1,
    "EchoTime": 0.00375,
    "RepetitionTime": 0.008181,
    "InversionTime": 0.9,
    "ImageOrientationPatientDICOM": [
        0.999759,
        -0.0169031,
        0.013974,
        0.0179745,
        0.996594,
        -0.0804826
    ],
    "ConversionSoftware": "dcm2niix",
    "ConversionSoftwareVersion": "v1.0.20211006"
}