{
    "Manufacturer": "Philips",
    "PatientPosition": "HFS",
    "SeriesDescription": "ImageMRSERIES",
    "ProtocolName": "acq-AxialNsig1Mm1_T1w",
    "SeriesNumber": 2,
    "AcquisitionNumber": 2,
    "ImageComments": "VISACT",
    "PhilipsRescaleSlope": 5.49377,
    "PhilipsRescaleIntercept": 0,
    "PhilipsScaleSlope": 0.00489436,
    "UsePhilipsFloatNotDisplayScaling": 1,
    "EchoTime": 0.00382,
    "RepetitionTime": 0.008322,
    "InversionTime": 0.9,
    "ImageOrientationPatientDICOM": [
        0.999219,
        -0.0171739,
        0.035573,
        0.0237224,
        0.980959,
        -0.192759
    ],
    "ConversionSoftware": "dcm2niix",
    "ConversionSoftwareVersion": "v1.0.20211006"
}