{
    "Manufacturer": "Philips",
    "PatientPosition": "HFS",
    "SeriesDescription": "ImageMRSERIES",
    "ProtocolName": "task-(Visact)_acq-Mb4Mm2Tr1600_run-(03)_bold",
    "SeriesNumber": 7,
    "AcquisitionNumber": 7,
    "ImageComments": "VISACT",
    "PhilipsRescaleSlope": 0.84469,
    "PhilipsRescaleIntercept": 0,
    "PhilipsScaleSlope": 0.0715507,
    "UsePhilipsFloatNotDisplayScaling": 1,
    "EchoTime": 0.03,
    "RepetitionTime": 1.6,
    "ImageOrientationPatientDICOM": [
        0.995144,
        -0.0922503,
        0.034322,
        0.0940688,
        0.994001,
        -0.0558013
    ],
    "ConversionSoftware": "dcm2niix",
    "ConversionSoftwareVersion": "v1.0.20211006",
    "TaskName": "VISACT",
    "TotalReadoutTime": 0.0538836,
    "PhaseEncodingDirection": "j"
}