{
    "Manufacturer": "Philips",
    "PatientPosition": "HFS",
    "SeriesDescription": "ImageMRSERIES",
    "ProtocolName": "acq-AxialNsig1Mm1_T1w",
    "SeriesNumber": 2,
    "AcquisitionNumber": 2,
    "ImageComments": "VISACT",
    "PhilipsRescaleSlope": 4.20269,
    "PhilipsRescaleIntercept": 0,
    "PhilipsScaleSlope": 0.00475487,
    "UsePhilipsFloatNotDisplayScaling": 1,
    "EchoTime": 0.00385,
    "RepetitionTime": 0.008362,
    "InversionTime": 0.9,
    "ImageOrientationPatientDICOM": [
        0.992747,
        -0.0852478,
        0.0847738,
        0.0704644,
        0.983903,
        0.164228
    ],
    "ConversionSoftware": "dcm2niix",
    "ConversionSoftwareVersion": "v1.0.20211006"
}