{
    "Manufacturer": "Philips",
    "PatientPosition": "HFS",
    "SeriesDescription": "ImageMRSERIES",
    "ProtocolName": "CategorySix_run06",
    "SeriesNumber": 21,
    "AcquisitionNumber": 21,
    "ImageComments": "VISACT",
    "PhilipsRescaleSlope": 0.779,
    "PhilipsRescaleIntercept": 0,
    "PhilipsScaleSlope": 0.0240881,
    "UsePhilipsFloatNotDisplayScaling": 1,
    "EchoTime": 0.02763,
    "RepetitionTime": 2,
    "ImageOrientationPatientDICOM": [
        0.995087,
        0.0452048,
        0.0880804,
        -0.0312719,
        0.98764,
        -0.153586
    ],
    "ConversionSoftware": "dcm2niix",
    "ConversionSoftwareVersion": "v1.0.20211006",
    "TaskName": "CategorySix",
    "TotalReadoutTime": 0.0269452,
    "PhaseEncodingDirection": "j"
}