{
    "Manufacturer": "Philips",
    "PatientPosition": "HFS",
    "SeriesDescription": "ImageMRSERIES",
    "ProtocolName": "acq-AxialNsig1Mm1_T1w",
    "SeriesNumber": 2,
    "AcquisitionNumber": 2,
    "ImageComments": "VISACT",
    "PhilipsRescaleSlope": 4.51013,
    "PhilipsRescaleIntercept": 0,
    "PhilipsScaleSlope": 0.00470628,
    "UsePhilipsFloatNotDisplayScaling": 1,
    "EchoTime": 0.00389,
    "RepetitionTime": 0.008426,
    "InversionTime": 0.9,
    "ImageOrientationPatientDICOM": [
        0.99747,
        0.0605442,
        0.0372462,
        -0.0479119,
        0.959702,
        -0.276904
    ],
    "ConversionSoftware": "dcm2niix",
    "ConversionSoftwareVersion": "v1.0.20211006"
}