{
    "Manufacturer": "Philips",
    "PatientPosition": "HFS",
    "SeriesDescription": "ImageMRSERIES",
    "ProtocolName": "acq-AxialNsig1Mm1_T1w",
    "SeriesNumber": 2,
    "AcquisitionNumber": 2,
    "ImageComments": "VISACT",
    "PhilipsRescaleSlope": 4.72039,
    "PhilipsRescaleIntercept": 0,
    "PhilipsScaleSlope": 0.00530256,
    "UsePhilipsFloatNotDisplayScaling": 1,
    "EchoTime": 0.00379,
    "RepetitionTime": 0.008259,
    "InversionTime": 0.9,
    "ImageOrientationPatientDICOM": [
        0.998704,
        0.0275233,
        0.0428176,
        -0.0326069,
        0.991876,
        0.122962
    ],
    "ConversionSoftware": "dcm2niix",
    "ConversionSoftwareVersion": "v1.0.20211006"
}