{
    "Manufacturer": "Philips",
    "PatientPosition": "HFS",
    "SeriesDescription": "ImageMRSERIES",
    "ProtocolName": "task-(Visact)_acq-Mb4Mm2Tr1600_run-(03)_bold",
    "SeriesNumber": 7,
    "AcquisitionNumber": 7,
    "ImageComments": "VISACT",
    "PhilipsRescaleSlope": 0.82247,
    "PhilipsRescaleIntercept": 0,
    "PhilipsScaleSlope": 0.0556872,
    "UsePhilipsFloatNotDisplayScaling": 1,
    "EchoTime": 0.03,
    "RepetitionTime": 1.6,
    "ImageOrientationPatientDICOM": [
        0.997823,
        -0.032467,
        0.0573969,
        0.033973,
        0.999098,
        -0.0254599
    ],
    "ConversionSoftware": "dcm2niix",
    "ConversionSoftwareVersion": "v1.0.20211006",
    "TaskName": "VISACT",
    "TotalReadoutTime": 0.0538836,
    "PhaseEncodingDirection": "j"
}