{
    "Manufacturer": "Philips",
    "PatientPosition": "HFS",
    "SeriesDescription": "ImageMRSERIES",
    "ProtocolName": "ScenePRF_run04_topup",
    "SeriesNumber": 18,
    "AcquisitionNumber": 18,
    "ImageComments": "VISACT",
    "PhilipsRescaleSlope": 0.75849,
    "PhilipsRescaleIntercept": 0,
    "PhilipsScaleSlope": 0.0138205,
    "UsePhilipsFloatNotDisplayScaling": 1,
    "EchoTime": 0.02763,
    "RepetitionTime": 2,
    "ImageOrientationPatientDICOM": [
        0.997831,
        0.02483,
        0.0609689,
        -0.0111463,
        0.976493,
        -0.215259
    ],
    "ConversionSoftware": "dcm2niix",
    "ConversionSoftwareVersion": "v1.0.20211006",
    "IntendedFor": [
        "ses-001/func/sub-007_ses-001_task-ScenePRF_acq-PRF_dir-AP_run-04_bold.nii.gz"
    ],
    "TotalReadoutTime": 0.0269452,
    "PhaseEncodingDirection": "j-",
    "TaskName": "ScenePRF"
}