{
    "Manufacturer": "Philips",
    "PatientPosition": "HFS",
    "SeriesDescription": "ImageMRSERIES",
    "ProtocolName": "acq-AxialNsig1Mm1_T1w",
    "SeriesNumber": 2,
    "AcquisitionNumber": 2,
    "ImageComments": "VISACT",
    "PhilipsRescaleSlope": 4.85372,
    "PhilipsRescaleIntercept": 0,
    "PhilipsScaleSlope": 0.00231639,
    "UsePhilipsFloatNotDisplayScaling": 1,
    "EchoTime": 0.00374,
    "RepetitionTime": 0.008166,
    "InversionTime": 0.9,
    "ImageOrientationPatientDICOM": [
        0.999942,
        0.00929295,
        0.00546605,
        -0.00942451,
        0.999654,
        0.0245562
    ],
    "ConversionSoftware": "dcm2niix",
    "ConversionSoftwareVersion": "v1.0.20211006"
}