{
    "Manufacturer": "Philips",
    "PatientPosition": "HFS",
    "SeriesDescription": "ImageMRSERIES",
    "ProtocolName": "acq-AxialNsig1Mm1_T1w",
    "SeriesNumber": 2,
    "AcquisitionNumber": 2,
    "ImageComments": "VISACT",
    "PhilipsRescaleSlope": 4.78877,
    "PhilipsRescaleIntercept": 0,
    "PhilipsScaleSlope": 0.00490663,
    "UsePhilipsFloatNotDisplayScaling": 1,
    "EchoTime": 0.00378,
    "RepetitionTime": 0.008213,
    "InversionTime": 0.9,
    "ImageOrientationPatientDICOM": [
        0.997909,
        -0.0632803,
        0.0131577,
        0.0620837,
        0.995084,
        0.0771629
    ],
    "ConversionSoftware": "dcm2niix",
    "ConversionSoftwareVersion": "v1.0.20211006"
}