{
    "Manufacturer": "Philips",
    "PatientPosition": "HFS",
    "SeriesDescription": "ImageMRSERIES",
    "ProtocolName": "task-(Visact)_acq-Mb4Mm2Tr1600_run-(03)_topup",
    "SeriesNumber": 8,
    "AcquisitionNumber": 8,
    "ImageComments": "VISACT",
    "PhilipsRescaleSlope": 0.89084,
    "PhilipsRescaleIntercept": 0,
    "PhilipsScaleSlope": 0.0847988,
    "UsePhilipsFloatNotDisplayScaling": 1,
    "EchoTime": 0.03,
    "RepetitionTime": 1.6,
    "ImageOrientationPatientDICOM": [
        0.995796,
        -0.041519,
        -0.0816454,
        0.0106022,
        0.937621,
        -0.347497
    ],
    "ConversionSoftware": "dcm2niix",
    "ConversionSoftwareVersion": "v1.0.20211006",
    "IntendedFor": [
        "ses-004/func/sub-011_ses-004_task-VISACT_acq-Mb4Mm2Tr1600_dir-AP_run-03_bold.nii.gz"
    ],
    "TotalReadoutTime": 0.0538836,
    "PhaseEncodingDirection": "j-",
    "TaskName": "VISACT"
}