{
    "Manufacturer": "Philips",
    "PatientPosition": "HFS",
    "SeriesDescription": "ImageMRSERIES",
    "ProtocolName": "task-(Visact)_acq-Mb4Mm2Tr1600_run-(05)_topup",
    "SeriesNumber": 12,
    "AcquisitionNumber": 12,
    "ImageComments": "VISACT",
    "PhilipsRescaleSlope": 0.88669,
    "PhilipsRescaleIntercept": 0,
    "PhilipsScaleSlope": 0.0757931,
    "UsePhilipsFloatNotDisplayScaling": 1,
    "EchoTime": 0.03,
    "RepetitionTime": 1.6,
    "ImageOrientationPatientDICOM": [
        0.99979,
        0.00142891,
        0.0204367,
        0.00488594,
        0.952148,
        -0.305599
    ],
    "ConversionSoftware": "dcm2niix",
    "ConversionSoftwareVersion": "v1.0.20211006",
    "IntendedFor": [
        "ses-002/func/sub-020_ses-002_task-VISACT_acq-Mb4Mm2Tr1600_dir-AP_run-05_bold.nii.gz"
    ],
    "TotalReadoutTime": 0.0538836,
    "PhaseEncodingDirection": "j-",
    "TaskName": "VISACT"
}