{
    "Manufacturer": "Philips",
    "PatientPosition": "HFS",
    "SeriesDescription": "ImageMRSERIES",
    "ProtocolName": "task-(Visact)_acq-Mb4Mm2Tr1600_run-(06)_topup",
    "SeriesNumber": 14,
    "AcquisitionNumber": 14,
    "ImageComments": "VISACT",
    "PhilipsRescaleSlope": 0.96264,
    "PhilipsRescaleIntercept": 0,
    "PhilipsScaleSlope": 0.0747916,
    "UsePhilipsFloatNotDisplayScaling": 1,
    "EchoTime": 0.03,
    "RepetitionTime": 1.6,
    "ImageOrientationPatientDICOM": [
        0.999033,
        0.00284255,
        0.0438836,
        0.0134268,
        0.93054,
        -0.365945
    ],
    "ConversionSoftware": "dcm2niix",
    "ConversionSoftwareVersion": "v1.0.20211006",
    "IntendedFor": [
        "ses-003/func/sub-006_ses-003_task-VISACT_acq-Mb4Mm2Tr1600_dir-AP_run-06_bold.nii.gz"
    ],
    "TaskName": "VISACT",
    "TotalReadoutTime": 0.0538836,
    "PhaseEncodingDirection": "j-"
}