{
    "Manufacturer": "Philips",
    "PatientPosition": "HFS",
    "SeriesDescription": "ImageMRSERIES",
    "ProtocolName": "acq-AxialNsig1Mm1_T1w",
    "SeriesNumber": 2,
    "AcquisitionNumber": 2,
    "ImageComments": "VISACT",
    "PhilipsRescaleSlope": 4.47912,
    "PhilipsRescaleIntercept": 0,
    "PhilipsScaleSlope": 0.00510623,
    "UsePhilipsFloatNotDisplayScaling": 1,
    "EchoTime": 0.00374,
    "RepetitionTime": 0.008178,
    "InversionTime": 0.9,
    "ImageOrientationPatientDICOM": [
        0.999044,
        0.026558,
        0.0347304,
        -0.0263354,
        0.99963,
        -0.00685166
    ],
    "ConversionSoftware": "dcm2niix",
    "ConversionSoftwareVersion": "v1.0.20211006"
}