{
    "Manufacturer": "Philips",
    "PatientPosition": "HFS",
    "SeriesDescription": "ImageMRSERIES",
    "ProtocolName": "task-(Visact)_acq-Mb4Mm2Tr1600_run-(05)_bold",
    "SeriesNumber": 11,
    "AcquisitionNumber": 11,
    "ImageComments": "VISACT",
    "PhilipsRescaleSlope": 0.88669,
    "PhilipsRescaleIntercept": 0,
    "PhilipsScaleSlope": 0.0630861,
    "UsePhilipsFloatNotDisplayScaling": 1,
    "EchoTime": 0.03,
    "RepetitionTime": 1.6,
    "ImageOrientationPatientDICOM": [
        0.999991,
        -0.00344092,
        0.00231751,
        0.00401424,
        0.943564,
        -0.331167
    ],
    "ConversionSoftware": "dcm2niix",
    "ConversionSoftwareVersion": "v1.0.20211006",
    "TaskName": "VISACT",
    "TotalReadoutTime": 0.0538836,
    "PhaseEncodingDirection": "j"
}