{
    "Manufacturer": "Philips",
    "PatientPosition": "HFS",
    "SeriesDescription": "ImageMRSERIES",
    "ProtocolName": "acq-AxialNsig1Mm1_T1w",
    "SeriesNumber": 2,
    "AcquisitionNumber": 2,
    "ImageComments": "VISACT",
    "PhilipsRescaleSlope": 4.97485,
    "PhilipsRescaleIntercept": 0,
    "PhilipsScaleSlope": 0.00230028,
    "UsePhilipsFloatNotDisplayScaling": 1,
    "EchoTime": 0.00379,
    "RepetitionTime": 0.008262,
    "InversionTime": 0.9,
    "ImageOrientationPatientDICOM": [
        0.999528,
        -0.0144073,
        0.0271251,
        0.0181449,
        0.989553,
        -0.143024
    ],
    "ConversionSoftware": "dcm2niix",
    "ConversionSoftwareVersion": "v1.0.20211006"
}