{
    "Manufacturer": "Philips",
    "PatientPosition": "HFS",
    "SeriesDescription": "ImageMRSERIES",
    "ProtocolName": "acq-AxialNsig1Mm1_T1w",
    "SeriesNumber": 2,
    "AcquisitionNumber": 2,
    "ImageComments": "VISACT",
    "PhilipsRescaleSlope": 5.28132,
    "PhilipsRescaleIntercept": 0,
    "PhilipsScaleSlope": 0.00489401,
    "UsePhilipsFloatNotDisplayScaling": 1,
    "EchoTime": 0.00378,
    "RepetitionTime": 0.008245,
    "InversionTime": 0.9,
    "ImageOrientationPatientDICOM": [
        0.999908,
        0.00680194,
        0.0117155,
        -0.00506103,
        0.989754,
        -0.14269
    ],
    "ConversionSoftware": "dcm2niix",
    "ConversionSoftwareVersion": "v1.0.20211006"
}