{
    "Manufacturer": "Philips",
    "PatientPosition": "HFS",
    "SeriesDescription": "ImageMRSERIES",
    "ProtocolName": "acq-AxialNsig1Mm1_T1w",
    "SeriesNumber": 2,
    "AcquisitionNumber": 2,
    "ImageComments": "VISACT",
    "PhilipsRescaleSlope": 3.7707,
    "PhilipsRescaleIntercept": 0,
    "PhilipsScaleSlope": 0.00535308,
    "UsePhilipsFloatNotDisplayScaling": 1,
    "EchoTime": 0.00373,
    "RepetitionTime": 0.008178,
    "InversionTime": 0.9,
    "ImageOrientationPatientDICOM": [
        0.999403,
        -0.00124706,
        0.0345321,
        0.000523286,
        0.99978,
        0.0209605
    ],
    "ConversionSoftware": "dcm2niix",
    "ConversionSoftwareVersion": "v1.0.20211006"
}