{
    "Manufacturer": "Philips",
    "PatientPosition": "HFS",
    "SeriesDescription": "ImageMRSERIES",
    "ProtocolName": "acq-AxialNsig1Mm1_T1w",
    "SeriesNumber": 2,
    "AcquisitionNumber": 2,
    "ImageComments": "VISACT",
    "PhilipsRescaleSlope": 4.37338,
    "PhilipsRescaleIntercept": 0,
    "PhilipsScaleSlope": 0.00527833,
    "UsePhilipsFloatNotDisplayScaling": 1,
    "EchoTime": 0.00372,
    "RepetitionTime": 0.008146,
    "InversionTime": 0.9,
    "ImageOrientationPatientDICOM": [
        0.999221,
        -0.00918062,
        0.0383729,
        0.00749921,
        0.999015,
        0.0437342
    ],
    "ConversionSoftware": "dcm2niix",
    "ConversionSoftwareVersion": "v1.0.20211006"
}