{
    "Manufacturer": "Philips",
    "PatientPosition": "HFS",
    "SeriesDescription": "ImageMRSERIES",
    "ProtocolName": "task-(Visact)_acq-Mb4Mm2Tr1600_run-(02)_topup",
    "SeriesNumber": 6,
    "AcquisitionNumber": 6,
    "ImageComments": "VISACT",
    "PhilipsRescaleSlope": 0.84957,
    "PhilipsRescaleIntercept": 0,
    "PhilipsScaleSlope": 0.044432,
    "UsePhilipsFloatNotDisplayScaling": 1,
    "EchoTime": 0.03,
    "RepetitionTime": 1.6,
    "ImageOrientationPatientDICOM": [
        0.997102,
        -0.0734355,
        -0.0198789,
        0.0643049,
        0.953145,
        -0.295599
    ],
    "ConversionSoftware": "dcm2niix",
    "ConversionSoftwareVersion": "v1.0.20211006",
    "IntendedFor": [
        "ses-003/func/sub-017_ses-003_task-VISACT_acq-Mb4Mm2Tr1600_dir-AP_run-02_bold.nii.gz"
    ],
    "TotalReadoutTime": 0.0538836,
    "PhaseEncodingDirection": "j-",
    "TaskName": "VISACT"
}