{
    "Manufacturer": "Philips",
    "PatientPosition": "HFS",
    "SeriesDescription": "ImageMRSERIES",
    "ProtocolName": "acq-AxialNsig1Mm1_T1w",
    "SeriesNumber": 2,
    "AcquisitionNumber": 2,
    "ImageComments": "VISACT",
    "PhilipsRescaleSlope": 4.85739,
    "PhilipsRescaleIntercept": 0,
    "PhilipsScaleSlope": 0.00520824,
    "UsePhilipsFloatNotDisplayScaling": 1,
    "EchoTime": 0.00377,
    "RepetitionTime": 0.00823,
    "InversionTime": 0.9,
    "ImageOrientationPatientDICOM": [
        0.997547,
        -0.023342,
        -0.0659988,
        0.0287352,
        0.996219,
        0.0819854
    ],
    "ConversionSoftware": "dcm2niix",
    "ConversionSoftwareVersion": "v1.0.20211006"
}