{
    "Manufacturer": "Philips",
    "PatientPosition": "HFS",
    "SeriesDescription": "ImageMRSERIES",
    "ProtocolName": "task-(Visact)_acq-Mb4Mm2Tr1600_run-(02)_topup",
    "SeriesNumber": 6,
    "AcquisitionNumber": 6,
    "ImageComments": "VISACT",
    "PhilipsRescaleSlope": 1.16557,
    "PhilipsRescaleIntercept": 0,
    "PhilipsScaleSlope": 0.074096,
    "UsePhilipsFloatNotDisplayScaling": 1,
    "EchoTime": 0.03,
    "RepetitionTime": 1.6,
    "ImageOrientationPatientDICOM": [
        0.996444,
        -0.06855,
        0.0489911,
        0.0768471,
        0.977826,
        -0.194809
    ],
    "ConversionSoftware": "dcm2niix",
    "ConversionSoftwareVersion": "v1.0.20211006",
    "IntendedFor": [
        "ses-002/func/sub-001_ses-002_task-VISACT_acq-Mb4Mm2Tr1600_dir-AP_run-02_bold.nii.gz"
    ],
    "TotalReadoutTime": 0.0538836,
    "PhaseEncodingDirection": "j-",
    "TaskName": "VISACT"
}