{
    "Manufacturer": "Philips",
    "PatientPosition": "HFS",
    "SeriesDescription": "ImageMRSERIES",
    "ProtocolName": "task-(Visact)_acq-Mb4Mm2Tr1600_run-(06)_topup",
    "SeriesNumber": 14,
    "AcquisitionNumber": 14,
    "ImageComments": "VISACT",
    "PhilipsRescaleSlope": 0.92161,
    "PhilipsRescaleIntercept": 0,
    "PhilipsScaleSlope": 0.0728182,
    "UsePhilipsFloatNotDisplayScaling": 1,
    "EchoTime": 0.03,
    "RepetitionTime": 1.6,
    "ImageOrientationPatientDICOM": [
        0.998916,
        0.0320006,
        0.0338077,
        -0.026332,
        0.987324,
        -0.156518
    ],
    "ConversionSoftware": "dcm2niix",
    "ConversionSoftwareVersion": "v1.0.20211006",
    "IntendedFor": [
        "ses-003/func/sub-012_ses-003_task-VISACT_acq-Mb4Mm2Tr1600_dir-AP_run-06_bold.nii.gz"
    ],
    "TaskName": "VISACT",
    "TotalReadoutTime": 0.0538836,
    "PhaseEncodingDirection": "j-"
}