{
    "Manufacturer": "Philips",
    "PatientPosition": "HFS",
    "SeriesDescription": "ImageMRSERIES",
    "ProtocolName": "acq-AxialNsig1Mm1_T1w",
    "SeriesNumber": 2,
    "AcquisitionNumber": 2,
    "ImageComments": "VISACT",
    "PhilipsRescaleSlope": 4.7409,
    "PhilipsRescaleIntercept": 0,
    "PhilipsScaleSlope": 0.00500712,
    "UsePhilipsFloatNotDisplayScaling": 1,
    "EchoTime": 0.00389,
    "RepetitionTime": 0.008408,
    "InversionTime": 0.9,
    "ImageOrientationPatientDICOM": [
        0.997805,
        0.0657444,
        0.00798892,
        -0.0612031,
        0.961456,
        -0.268062
    ],
    "ConversionSoftware": "dcm2niix",
    "ConversionSoftwareVersion": "v1.0.20211006"
}