{
    "Manufacturer": "Philips",
    "PatientPosition": "HFS",
    "SeriesDescription": "ImageMRSERIES",
    "ProtocolName": "acq-AxialNsig1Mm1_T1w",
    "SeriesNumber": 2,
    "AcquisitionNumber": 2,
    "ImageComments": "VISACT",
    "PhilipsRescaleSlope": 4.66007,
    "PhilipsRescaleIntercept": 0,
    "PhilipsScaleSlope": 0.00525754,
    "UsePhilipsFloatNotDisplayScaling": 1,
    "EchoTime": 0.00374,
    "RepetitionTime": 0.008144,
    "InversionTime": 0.9,
    "ImageOrientationPatientDICOM": [
        0.998101,
        0.0590655,
        -0.0174746,
        -0.0591233,
        0.998247,
        -0.00281132
    ],
    "ConversionSoftware": "dcm2niix",
    "ConversionSoftwareVersion": "v1.0.20211006"
}