{
    "Manufacturer": "Philips",
    "PatientPosition": "HFS",
    "SeriesDescription": "ImageMRSERIES",
    "ProtocolName": "acq-AxialNsig1Mm1_T1w",
    "SeriesNumber": 2,
    "AcquisitionNumber": 2,
    "ImageComments": "VISACT",
    "PhilipsRescaleSlope": 4.59756,
    "PhilipsRescaleIntercept": 0,
    "PhilipsScaleSlope": 0.0049273,
    "UsePhilipsFloatNotDisplayScaling": 1,
    "EchoTime": 0.00377,
    "RepetitionTime": 0.008209,
    "InversionTime": 0.9,
    "ImageOrientationPatientDICOM": [
        0.999559,
        0.022082,
        0.0198631,
        -0.023905,
        0.995018,
        0.0967883
    ],
    "ConversionSoftware": "dcm2niix",
    "ConversionSoftwareVersion": "v1.0.20211006"
}