{
    "Manufacturer": "Philips",
    "PatientPosition": "HFS",
    "SeriesDescription": "ImageMRSERIES",
    "ProtocolName": "acq-AxialNsig1Mm1_T1w",
    "SeriesNumber": 2,
    "AcquisitionNumber": 2,
    "ImageComments": "VISACT",
    "PhilipsRescaleSlope": 5.11087,
    "PhilipsRescaleIntercept": 0,
    "PhilipsScaleSlope": 0.00480211,
    "UsePhilipsFloatNotDisplayScaling": 1,
    "EchoTime": 0.00374,
    "RepetitionTime": 0.008174,
    "InversionTime": 0.9,
    "ImageOrientationPatientDICOM": [
        0.999236,
        -0.00108518,
        0.0390679,
        0.00366241,
        0.997816,
        -0.065957
    ],
    "ConversionSoftware": "dcm2niix",
    "ConversionSoftwareVersion": "v1.0.20211006"
}