{
    "Manufacturer": "Philips",
    "PatientPosition": "HFS",
    "SeriesDescription": "ImageMRSERIES",
    "ProtocolName": "acq-AxialNsig1Mm1_T1w",
    "SeriesNumber": 2,
    "AcquisitionNumber": 2,
    "ImageComments": "VISACT",
    "PhilipsRescaleSlope": 5.41074,
    "PhilipsRescaleIntercept": 0,
    "PhilipsScaleSlope": 0.0056747,
    "UsePhilipsFloatNotDisplayScaling": 1,
    "EchoTime": 0.00377,
    "RepetitionTime": 0.008189,
    "InversionTime": 0.9,
    "ImageOrientationPatientDICOM": [
        0.997136,
        -0.072849,
        0.0203174,
        0.07375,
        0.996129,
        -0.0478301
    ],
    "ConversionSoftware": "dcm2niix",
    "ConversionSoftwareVersion": "v1.0.20211006"
}