{
    "Manufacturer": "Philips",
    "PatientPosition": "HFS",
    "SeriesDescription": "ImageMRSERIES",
    "ProtocolName": "task-(Visact)_acq-Mb4Mm2Tr1600_run-(04)_topup",
    "SeriesNumber": 10,
    "AcquisitionNumber": 10,
    "ImageComments": "VISACT",
    "PhilipsRescaleSlope": 0.89524,
    "PhilipsRescaleIntercept": 0,
    "PhilipsScaleSlope": 0.0748826,
    "UsePhilipsFloatNotDisplayScaling": 1,
    "EchoTime": 0.03,
    "RepetitionTime": 1.6,
    "ImageOrientationPatientDICOM": [
        0.998147,
        -0.000396891,
        0.0608527,
        0.012021,
        0.98156,
        -0.190775
    ],
    "ConversionSoftware": "dcm2niix",
    "ConversionSoftwareVersion": "v1.0.20211006",
    "IntendedFor": [
        "ses-003/func/sub-018_ses-003_task-VISACT_acq-Mb4Mm2Tr1600_dir-AP_run-04_bold.nii.gz"
    ],
    "TotalReadoutTime": 0.0538836,
    "PhaseEncodingDirection": "j-",
    "TaskName": "VISACT"
}