{
    "Manufacturer": "Philips",
    "PatientPosition": "HFS",
    "SeriesDescription": "ImageMRSERIES",
    "ProtocolName": "acq-AxialNsig1Mm1_T1w",
    "SeriesNumber": 2,
    "AcquisitionNumber": 2,
    "ImageComments": "VISACT",
    "PhilipsRescaleSlope": 3.98803,
    "PhilipsRescaleIntercept": 0,
    "PhilipsScaleSlope": 0.00392558,
    "UsePhilipsFloatNotDisplayScaling": 1,
    "EchoTime": 0.00386,
    "RepetitionTime": 0.008363,
    "InversionTime": 0.9,
    "ImageOrientationPatientDICOM": [
        0.996865,
        -0.0691738,
        0.0383954,
        0.0753046,
        0.978422,
        -0.192402
    ],
    "ConversionSoftware": "dcm2niix",
    "ConversionSoftwareVersion": "v1.0.20211006"
}