{
    "Manufacturer": "Philips",
    "PatientPosition": "HFS",
    "SeriesDescription": "ImageMRSERIES",
    "ProtocolName": "acq-AxialNsig1Mm1_T1w",
    "SeriesNumber": 2,
    "AcquisitionNumber": 2,
    "ImageComments": "VISACT",
    "PhilipsRescaleSlope": 5.11184,
    "PhilipsRescaleIntercept": 0,
    "PhilipsScaleSlope": 0.00562365,
    "UsePhilipsFloatNotDisplayScaling": 1,
    "EchoTime": 0.00374,
    "RepetitionTime": 0.008151,
    "InversionTime": 0.9,
    "ImageOrientationPatientDICOM": [
        0.998491,
        0.0454915,
        0.0307613,
        -0.0451666,
        0.998917,
        -0.0111752
    ],
    "ConversionSoftware": "dcm2niix",
    "ConversionSoftwareVersion": "v1.0.20211006"
}