{
    "Manufacturer": "Philips",
    "PatientPosition": "HFS",
    "SeriesDescription": "ImageMRSERIES",
    "ProtocolName": "task-(Visact)_acq-Mb4Mm2Tr1600_run-(06)_topup",
    "SeriesNumber": 14,
    "AcquisitionNumber": 14,
    "ImageComments": "VISACT",
    "PhilipsRescaleSlope": 1.07375,
    "PhilipsRescaleIntercept": 0,
    "PhilipsScaleSlope": 0.0758757,
    "UsePhilipsFloatNotDisplayScaling": 1,
    "EchoTime": 0.03,
    "RepetitionTime": 1.6,
    "ImageOrientationPatientDICOM": [
        0.994746,
        -0.0557155,
        0.0858839,
        0.0620612,
        0.995393,
        -0.0730791
    ],
    "ConversionSoftware": "dcm2niix",
    "ConversionSoftwareVersion": "v1.0.20211006",
    "IntendedFor": [
        "ses-004/func/sub-009_ses-004_task-VISACT_acq-Mb4Mm2Tr1600_dir-AP_run-06_bold.nii.gz"
    ],
    "TaskName": "VISACT",
    "TotalReadoutTime": 0.0538836,
    "PhaseEncodingDirection": "j-"
}